{
  "bids_meta": {
    "Columns": 256,
    "EchoTime": 0.00226,
    "EchoTrainLength": 1,
    "FlipAngle": 9,
    "ImageType": "ORIGINAL/PRIMARY/M/ND/NORM",
    "ImagingFrequency": 123.2498,
    "InplanePhaseEncodingDirection": "ROW",
    "InversionTime": 0.9,
    "MRAcquisitionType": "3D",
    "MagneticFieldStrength": 3,
    "Manufacturer": "SIEMENS",
    "ManufacturersModelName": "TrioTim",
    "NumberOfAverages": 1,
    "NumberOfPhaseEncodingSteps": 215,
    "PercentPhaseFieldOfView": 100,
    "PhaseEncodingDirection": "i-",
    "PixelBandwidth": 200,
    "PixelSpacing": [
      0.9765625,
      0.9765625
    ],
    "RealDwellTime": 9800,
    "RepetitionTime": 1.9,
    "Rows": 256,
    "ScanOptions": [
      "IR",
      "PFP"
    ],
    "ScanningSequence": [
      "GR",
      "IR"
    ],
    "SequenceName": "*tfl3d1_ns",
    "SequenceVariant": [
      "SP",
      "MP",
      "OSP"
    ],
    "SeriesDate": "18690115",
    "SeriesDescription": "MPRAGE",
    "SeriesNumber": 10,
    "SeriesTime": "162114.515000",
    "SliceThickness": 1,
    "StudyID": "1",
    "StudyTime": "145124.921000",
    "dataset": "ds000009",
    "modality": "T1w",
    "subject_id": "11"
  },
  "cjv": 0.3919244782003843,
  "cnr": 3.428217374033234,
  "efc": 0.5560696134188341,
  "fber": 2112.3338153000523,
  "fwhm_avg": 4.122219524038882,
  "fwhm_x": 3.9491430521166473,
  "fwhm_y": 4.33937408,
  "fwhm_z": 4.07814144,
  "icvs_csf": 0.19964175878546586,
  "icvs_gm": 0.4322679061391701,
  "icvs_wm": 0.368090335075364,
  "inu_med": 1.2363324165344238,
  "inu_range": 0.4000361442565916,
  "provenance": {
    "md5sum": "7e8d1e23646221e27b0ad37f01a081aa",
    "settings": {
      "testing": false
    },
    "software": "mriqc",
    "version": "21.0.0rc2",
    "warnings": {
      "large_rot_frame": true,
      "small_air_mask": false
    },
    "webapi_port": null,
    "webapi_url": "https://mriqc.nimh.nih.gov/api/v1"
  },
  "qi_1": 0.0,
  "qi_2": 0.0034482794642923496,
  "rpve_csf": 26.758968195698632,
  "rpve_gm": 13.325897274760937,
  "rpve_wm": 18.578169397843602,
  "size_x": 176,
  "size_y": 256,
  "size_z": 256,
  "snr_csf": 3.1947063058343277,
  "snr_gm": 13.977982051798271,
  "snr_total": 13.422343092139059,
  "snr_wm": 23.09434091878458,
  "snrd_csf": 30.33117665571365,
  "snrd_gm": 57.76651961374601,
  "snrd_total": 54.75056244416091,
  "snrd_wm": 76.15399106302306,
  "spacing_x": 1.0000042915344238,
  "spacing_y": 0.9765625,
  "spacing_z": 0.9765625,
  "summary_bg_k": 6.621091634670995,
  "summary_bg_mad": 8.603269051361595,
  "summary_bg_mean": 15.580579024302928,
  "summary_bg_median": 14.14084480702877,
  "summary_bg_n": 3579131.0,
  "summary_bg_p05": 2.816901355981827,
  "summary_bg_p95": 37.014083817601204,
  "summary_bg_stdv": 11.861728901517619,
  "summary_csf_k": 4.577705620765962,
  "summary_csf_mad": 133.0583262021264,
  "summary_csf_mean": 417.4105219006064,
  "summary_csf_median": 398.3098517358303,
  "summary_csf_n": 16151.0,
  "summary_csf_p05": 245.97182640433311,
  "summary_csf_p95": 618.619706787169,
  "summary_csf_stdv": 124.67422122863908,
  "summary_gm_k": 0.006600120724484793,
  "summary_gm_mad": 54.04189394398983,
  "summary_gm_mean": 760.472937345323,
  "summary_gm_median": 758.591535165906,
  "summary_gm_n": 26063.0,
  "summary_gm_p05": 674.3661846220493,
  "summary_gm_p95": 852.676040455699,
  "summary_gm_stdv": 54.26942023388054,
  "summary_wm_k": 0.5125046719068029,
  "summary_wm_mad": 40.59406562098772,
  "summary_wm_mean": 998.8341445402871,
  "summary_wm_median": 1000.0563194006681,
  "summary_wm_n": 206713.0,
  "summary_wm_p05": 924.901391223073,
  "summary_wm_p95": 1067.661951944232,
  "summary_wm_stdv": 43.30298508911036,
  "tpm_overlap_csf": 0.16885215044021606,
  "tpm_overlap_gm": 0.4490160644054413,
  "tpm_overlap_wm": 0.4969690442085266,
  "wm2max": 0.4466016254251044
}