{
  "bids_meta": {
    "Columns": 256,
    "EchoTime": 0.00226,
    "EchoTrainLength": 1,
    "FlipAngle": 9,
    "ImageType": "ORIGINAL/PRIMARY/M/ND/NORM",
    "ImagingFrequency": 123.249595,
    "InplanePhaseEncodingDirection": "ROW",
    "InversionTime": 0.9,
    "MRAcquisitionType": "3D",
    "MagneticFieldStrength": 3,
    "Manufacturer": "SIEMENS",
    "ManufacturersModelName": "TrioTim",
    "NumberOfAverages": 1,
    "NumberOfPhaseEncodingSteps": 215,
    "PercentPhaseFieldOfView": 100,
    "PhaseEncodingDirection": "i-",
    "PixelBandwidth": 200,
    "PixelSpacing": [
      0.9765625,
      0.9765625
    ],
    "RealDwellTime": 9800,
    "RepetitionTime": 1.9,
    "Rows": 256,
    "ScanOptions": [
      "IR",
      "PFP"
    ],
    "ScanningSequence": [
      "GR",
      "IR"
    ],
    "SequenceName": "*tfl3d1_ns",
    "SequenceVariant": [
      "SP",
      "MP",
      "OSP"
    ],
    "SeriesDate": "18681125",
    "SeriesDescription": "MPRAGE",
    "SeriesNumber": 10,
    "SeriesTime": "165308.078000",
    "SliceThickness": 1,
    "StudyID": "1",
    "StudyTime": "153931.843000",
    "dataset": "ds000009",
    "modality": "T1w",
    "subject_id": "10"
  },
  "cjv": 0.3683963809666396,
  "cnr": 3.6127938150476777,
  "efc": 0.5324378296910336,
  "fber": 2358.397344444444,
  "fwhm_avg": 4.12039616209482,
  "fwhm_x": 3.931016326284457,
  "fwhm_y": 4.28552192,
  "fwhm_z": 4.14465024,
  "icvs_csf": 0.18814679770621523,
  "icvs_gm": 0.44974986233384917,
  "icvs_wm": 0.3621033399599356,
  "inu_med": 1.5779844522476196,
  "inu_range": 0.48281706571578975,
  "provenance": {
    "md5sum": "c5dc79f99ff1eda465fc7c2f32a378d0",
    "settings": {
      "testing": false
    },
    "software": "mriqc",
    "version": "21.0.0rc2",
    "warnings": {
      "large_rot_frame": true,
      "small_air_mask": false
    },
    "webapi_port": null,
    "webapi_url": "https://mriqc.nimh.nih.gov/api/v1"
  },
  "qi_1": 0.0,
  "qi_2": 0.004040699650509944,
  "rpve_csf": 27.090396843991016,
  "rpve_gm": 12.721460027195048,
  "rpve_wm": 18.239878262032853,
  "size_x": 176,
  "size_y": 256,
  "size_z": 256,
  "snr_csf": 2.939025512558232,
  "snr_gm": 14.79381423099052,
  "snr_total": 14.097149904523727,
  "snr_wm": 24.558609970022427,
  "snrd_csf": 29.88071363607434,
  "snrd_gm": 62.6529708458334,
  "snrd_total": 58.31279540264194,
  "snrd_wm": 82.40470172601808,
  "spacing_x": 0.9999983906745911,
  "spacing_y": 0.9765625,
  "spacing_z": 0.9765625,
  "summary_bg_k": 3.560400385597478,
  "summary_bg_mad": 7.950230363375851,
  "summary_bg_mean": 14.414267252993566,
  "summary_bg_median": 13.119533210992813,
  "summary_bg_n": 3985876.0,
  "summary_bg_p05": 2.603081986308098,
  "summary_bg_p95": 33.944189101457596,
  "summary_bg_stdv": 10.121836456303889,
  "summary_csf_k": 6.931683810583092,
  "summary_csf_mad": 114.77662670232903,
  "summary_csf_mean": 401.2072369243506,
  "summary_csf_median": 362.60932069271803,
  "summary_csf_n": 15044.0,
  "summary_csf_p05": 255.1020346581936,
  "summary_csf_p95": 613.1299310550094,
  "summary_csf_stdv": 123.37329748148412,
  "summary_gm_k": 0.06316578770506842,
  "summary_gm_mad": 50.78885028253699,
  "summary_gm_mean": 760.4684980263343,
  "summary_gm_median": 760.3081865608692,
  "summary_gm_n": 30544.0,
  "summary_gm_p05": 677.0616246387362,
  "summary_gm_p95": 846.6263852268457,
  "summary_gm_stdv": 51.392813812189424,
  "summary_wm_k": 0.6938593921136573,
  "summary_wm_mad": 37.51273744272489,
  "summary_wm_mean": 998.3416065685074,
  "summary_wm_median": 999.9999758601189,
  "summary_wm_n": 211186.0,
  "summary_wm_p05": 927.7384199202061,
  "summary_wm_p95": 1061.5368340164423,
  "summary_wm_stdv": 40.71881957068581,
  "tpm_overlap_csf": 0.17306660115718842,
  "tpm_overlap_gm": 0.4587206244468689,
  "tpm_overlap_wm": 0.5191169381141663,
  "wm2max": 0.4536626355335571
}