{
  "bids_meta": {
    "Columns": 256,
    "EchoTime": 0.00226,
    "EchoTrainLength": 1,
    "FlipAngle": 9,
    "ImageType": "ORIGINAL/PRIMARY/M/ND/NORM",
    "ImagingFrequency": 123.249741,
    "InplanePhaseEncodingDirection": "ROW",
    "InversionTime": 0.9,
    "MRAcquisitionType": "3D",
    "MagneticFieldStrength": 3,
    "Manufacturer": "SIEMENS",
    "ManufacturersModelName": "TrioTim",
    "NumberOfAverages": 1,
    "NumberOfPhaseEncodingSteps": 215,
    "PercentPhaseFieldOfView": 100,
    "PhaseEncodingDirection": "i-",
    "PixelBandwidth": 200,
    "PixelSpacing": [
      0.9765625,
      0.9765625
    ],
    "RealDwellTime": 9800,
    "RepetitionTime": 1.9,
    "Rows": 256,
    "ScanOptions": [
      "IR",
      "PFP"
    ],
    "ScanningSequence": [
      "GR",
      "IR"
    ],
    "SequenceName": "*tfl3d1_ns",
    "SequenceVariant": [
      "SP",
      "MP",
      "OSP"
    ],
    "SeriesDate": "18690115",
    "SeriesDescription": "MPRAGE",
    "SeriesNumber": 10,
    "SeriesTime": "182025.578000",
    "SliceThickness": 1,
    "StudyID": "1",
    "StudyTime": "165907.187000",
    "dataset": "ds000009",
    "modality": "T1w",
    "subject_id": "12"
  },
  "cjv": 0.46736284053745253,
  "cnr": 2.935481125724315,
  "efc": 0.5986360430001545,
  "fber": 1720.2489738526276,
  "fwhm_avg": 4.269489197378718,
  "fwhm_x": 4.016383112136153,
  "fwhm_y": 4.5353472,
  "fwhm_z": 4.25673728,
  "icvs_csf": 0.20297097147799212,
  "icvs_gm": 0.4377223878624734,
  "icvs_wm": 0.35930664065953444,
  "inu_med": 1.4300117492675781,
  "inu_range": 0.5127036988735199,
  "provenance": {
    "md5sum": "3421dd1f7f150e234fbe812eec9ef836",
    "settings": {
      "testing": false
    },
    "software": "mriqc",
    "version": "21.0.0rc2",
    "warnings": {
      "large_rot_frame": true,
      "small_air_mask": false
    },
    "webapi_port": null,
    "webapi_url": "https://mriqc.nimh.nih.gov/api/v1"
  },
  "qi_1": 0.0,
  "qi_2": 0.005156472432327413,
  "rpve_csf": 23.611343479553412,
  "rpve_gm": 11.809621911605268,
  "rpve_wm": 16.77506459323482,
  "size_x": 176,
  "size_y": 256,
  "size_z": 256,
  "snr_csf": 3.5063724549052737,
  "snr_gm": 13.3611334369756,
  "snr_total": 12.018063741260193,
  "snr_wm": 19.1866853318997,
  "snrd_csf": 25.866049921080904,
  "snrd_gm": 45.52806572824941,
  "snrd_total": 43.53075560040867,
  "snrd_wm": 59.1981511518957,
  "spacing_x": 0.9999992251396179,
  "spacing_y": 0.9765625,
  "spacing_z": 0.9765625,
  "summary_bg_k": 4.213462839728762,
  "summary_bg_mad": 11.066838217553013,
  "summary_bg_mean": 17.045342037176546,
  "summary_bg_median": 14.928937889635563,
  "summary_bg_n": 3415692.0,
  "summary_bg_p05": 0.0,
  "summary_bg_p95": 40.8455740660429,
  "summary_bg_stdv": 12.596676083786367,
  "summary_csf_k": -0.8554687374338994,
  "summary_csf_mad": 152.36822857926987,
  "summary_csf_mean": 443.37892062064174,
  "summary_csf_median": 436.94015415385365,
  "summary_csf_n": 26041.0,
  "summary_csf_p05": 260.12181378901005,
  "summary_csf_p95": 645.109264086932,
  "summary_csf_stdv": 124.61076803074104,
  "summary_gm_k": 0.04314352233825414,
  "summary_gm_mad": 57.45902402553524,
  "summary_gm_mean": 770.8749925813975,
  "summary_gm_median": 769.0791643224657,
  "summary_gm_n": 28105.0,
  "summary_gm_p05": 679.517480134964,
  "summary_gm_p95": 869.3419111892581,
  "summary_gm_stdv": 57.5598983110497,
  "summary_wm_k": 0.1980508056476351,
  "summary_wm_mad": 50.46478227204174,
  "summary_wm_mean": 999.246432411353,
  "summary_wm_median": 999.9999755993485,
  "summary_wm_n": 227497.0,
  "summary_wm_p05": 911.7998105473816,
  "summary_wm_p95": 1083.6020277813077,
  "summary_wm_stdv": 52.11936092490217,
  "tpm_overlap_csf": 0.16366827487945557,
  "tpm_overlap_gm": 0.46450698375701904,
  "tpm_overlap_wm": 0.504245936870575,
  "wm2max": 0.450258120025812
}