{
  "bids_meta": {
    "Columns": 256,
    "EchoTime": 0.00226,
    "EchoTrainLength": 1,
    "FlipAngle": 9,
    "ImageType": "ORIGINAL/PRIMARY/M/ND/NORM",
    "ImagingFrequency": 123.249714,
    "InplanePhaseEncodingDirection": "ROW",
    "InversionTime": 0.9,
    "MRAcquisitionType": "3D",
    "MagneticFieldStrength": 3,
    "Manufacturer": "SIEMENS",
    "ManufacturersModelName": "TrioTim",
    "NumberOfAverages": 1,
    "NumberOfPhaseEncodingSteps": 215,
    "PercentPhaseFieldOfView": 100,
    "PhaseEncodingDirection": "i-",
    "PixelBandwidth": 200,
    "PixelSpacing": [
      0.9765625,
      0.9765625
    ],
    "RealDwellTime": 9800,
    "RepetitionTime": 1.9,
    "Rows": 256,
    "ScanOptions": [
      "IR",
      "PFP"
    ],
    "ScanningSequence": [
      "GR",
      "IR"
    ],
    "SequenceName": "*tfl3d1_ns",
    "SequenceVariant": [
      "SP",
      "MP",
      "OSP"
    ],
    "SeriesDate": "18690415",
    "SeriesDescription": "MPRAGE",
    "SeriesNumber": 10,
    "SeriesTime": "164945.062000",
    "SliceThickness": 1,
    "StudyID": "1",
    "StudyTime": "154002.921000",
    "dataset": "ds000009",
    "modality": "T1w",
    "subject_id": "29"
  },
  "cjv": 0.45286119897007604,
  "cnr": 3.04181846471487,
  "efc": 0.5729940426848749,
  "fber": 1997.9213243147026,
  "fwhm_avg": 4.272327708571584,
  "fwhm_x": 4.042511445714752,
  "fwhm_y": 4.61945856,
  "fwhm_z": 4.15501312,
  "icvs_csf": 0.19534251407169126,
  "icvs_gm": 0.43816220564539965,
  "icvs_wm": 0.3664952802829091,
  "inu_med": 1.404773473739624,
  "inu_range": 0.5757220149040221,
  "provenance": {
    "md5sum": "e3f7bb776556556c8bca5350ce12a08d",
    "settings": {
      "testing": false
    },
    "software": "mriqc",
    "version": "21.0.0rc2",
    "warnings": {
      "large_rot_frame": true,
      "small_air_mask": false
    },
    "webapi_port": null,
    "webapi_url": "https://mriqc.nimh.nih.gov/api/v1"
  },
  "qi_1": 0.0,
  "qi_2": 0.01881220320991808,
  "rpve_csf": 23.307131661921193,
  "rpve_gm": 11.402984129536751,
  "rpve_wm": 15.835397313964947,
  "size_x": 176,
  "size_y": 256,
  "size_z": 256,
  "snr_csf": 3.2540207410047044,
  "snr_gm": 14.045348601121411,
  "snr_total": 12.037533237295408,
  "snr_wm": 18.81323036976011,
  "snrd_csf": 24.284565290195832,
  "snrd_gm": 47.69917387371324,
  "snrd_total": 44.75041188844413,
  "snrd_wm": 62.2674965014233,
  "spacing_x": 0.9999996423721313,
  "spacing_y": 0.9765625,
  "spacing_z": 0.9765625,
  "summary_bg_k": 2.1683223740269844,
  "summary_bg_mad": 10.521905114705794,
  "summary_bg_mean": 15.377117749394271,
  "summary_bg_median": 14.249278970062733,
  "summary_bg_n": 3886145.0,
  "summary_bg_p05": 0.0,
  "summary_bg_p95": 35.65091975778341,
  "summary_bg_stdv": 10.776432042166501,
  "summary_csf_k": 11.752555526696847,
  "summary_csf_mad": 120.46759332501047,
  "summary_csf_mean": 410.93026496377485,
  "summary_csf_median": 390.0254977233708,
  "summary_csf_n": 23184.0,
  "summary_csf_p05": 254.9900154992938,
  "summary_csf_p95": 619.6246287699786,
  "summary_csf_stdv": 119.85697607731291,
  "summary_gm_k": 0.0378564730017219,
  "summary_gm_mad": 54.08916848028447,
  "summary_gm_mean": 766.5996904545564,
  "summary_gm_median": 766.0789398029447,
  "summary_gm_n": 37850.0,
  "summary_gm_p05": 677.422920063138,
  "summary_gm_p95": 856.3982995003462,
  "summary_gm_stdv": 54.54252803250339,
  "summary_wm_k": 0.10148257729012533,
  "summary_wm_mad": 51.86970412015122,
  "summary_wm_mean": 998.4190733538844,
  "summary_wm_median": 1000.0554271712899,
  "summary_wm_n": 241302.0,
  "summary_wm_p05": 907.6291701942682,
  "summary_wm_p95": 1083.2224250510335,
  "summary_wm_stdv": 53.156918578402106,
  "tpm_overlap_csf": 0.16530494391918182,
  "tpm_overlap_gm": 0.4582754075527191,
  "tpm_overlap_wm": 0.49404335021972656,
  "wm2max": 0.42644694533762056
}