{
  "bids_meta": {
    "Columns": 256,
    "EchoTime": 0.00226,
    "EchoTrainLength": 1,
    "FlipAngle": 9,
    "ImageType": "ORIGINAL/PRIMARY/M/ND/NORM",
    "ImagingFrequency": 123.250152,
    "InplanePhaseEncodingDirection": "ROW",
    "InversionTime": 0.9,
    "MRAcquisitionType": "3D",
    "MagneticFieldStrength": 3,
    "Manufacturer": "SIEMENS",
    "ManufacturersModelName": "TrioTim",
    "NumberOfAverages": 1,
    "NumberOfPhaseEncodingSteps": 215,
    "PercentPhaseFieldOfView": 100,
    "PhaseEncodingDirection": "i-",
    "PixelBandwidth": 200,
    "PixelSpacing": [
      0.9765625,
      0.9765625
    ],
    "RealDwellTime": 9800,
    "RepetitionTime": 1.9,
    "Rows": 256,
    "ScanOptions": [
      "IR",
      "PFP"
    ],
    "ScanningSequence": [
      "GR",
      "IR"
    ],
    "SequenceName": "*tfl3d1_ns",
    "SequenceVariant": [
      "SP",
      "MP",
      "OSP"
    ],
    "SeriesDate": "18690302",
    "SeriesDescription": "MPRAGE",
    "SeriesNumber": 2,
    "SeriesTime": "152720.828000",
    "SliceThickness": 1,
    "StudyID": "1",
    "StudyTime": "151627.125000",
    "dataset": "ds000009",
    "modality": "T1w",
    "subject_id": "23"
  },
  "cjv": 0.3901169428750546,
  "cnr": 3.3999456890326933,
  "efc": 0.5418640794798456,
  "fber": 2704.0,
  "fwhm_avg": 4.115726409182957,
  "fwhm_x": 3.842439387548871,
  "fwhm_y": 4.411760640000001,
  "fwhm_z": 4.0929792,
  "icvs_csf": 0.2020397876514181,
  "icvs_gm": 0.43015384759349856,
  "icvs_wm": 0.3678063647550833,
  "inu_med": 1.4073834419250488,
  "inu_range": 0.3784283399581909,
  "provenance": {
    "md5sum": "613a699c36835f5f63bc1afb310892b2",
    "settings": {
      "testing": false
    },
    "software": "mriqc",
    "version": "21.0.0rc2",
    "warnings": {
      "large_rot_frame": true,
      "small_air_mask": false
    },
    "webapi_port": null,
    "webapi_url": "https://mriqc.nimh.nih.gov/api/v1"
  },
  "qi_1": 4.394723746372737e-06,
  "qi_2": 0.0047264513111079706,
  "rpve_csf": 28.71844117285669,
  "rpve_gm": 14.53661548757219,
  "rpve_wm": 20.236949195033375,
  "size_x": 176,
  "size_y": 256,
  "size_z": 256,
  "snr_csf": 2.9155029569677584,
  "snr_gm": 13.405068833794214,
  "snr_total": 13.940886627828414,
  "snr_wm": 25.502088092723273,
  "snrd_csf": 26.02491667038558,
  "snrd_gm": 59.746507885712866,
  "snrd_total": 54.70112997064825,
  "snrd_wm": 78.33196535584631,
  "spacing_x": 1.0000053644180298,
  "spacing_y": 0.9765625,
  "spacing_z": 0.9765625,
  "summary_bg_k": 10.381296796710037,
  "summary_bg_mad": 8.363588990885154,
  "summary_bg_mean": 13.635757195195264,
  "summary_bg_median": 11.282310098409653,
  "summary_bg_n": 3636801.0,
  "summary_bg_p05": 2.778479352593422,
  "summary_bg_p95": 31.068450942635536,
  "summary_bg_stdv": 9.745215400324447,
  "summary_csf_k": 0.9467554756424628,
  "summary_csf_mad": 99.05235618309507,
  "summary_csf_mean": 370.62152224746774,
  "summary_csf_median": 332.2387734949589,
  "summary_csf_n": 17110.0,
  "summary_csf_p05": 235.97919828779996,
  "summary_csf_p95": 578.6014859087765,
  "summary_csf_stdv": 113.95257331254055,
  "summary_gm_k": -0.007232408231132137,
  "summary_gm_mad": 57.29682607188486,
  "summary_gm_mean": 762.3589657108357,
  "summary_gm_median": 762.7346804589033,
  "summary_gm_n": 26318.0,
  "summary_gm_p05": 668.5610696747899,
  "summary_gm_p95": 855.1401680186391,
  "summary_gm_stdv": 56.89789429926121,
  "summary_wm_k": 0.9125698112166529,
  "summary_wm_mad": 35.26438641679188,
  "summary_wm_mean": 998.2113574138598,
  "summary_wm_median": 999.999977901578,
  "summary_wm_n": 193813.0,
  "summary_wm_p05": 929.8644233345985,
  "summary_wm_p95": 1058.7269278541207,
  "summary_wm_stdv": 39.21237329492783,
  "tpm_overlap_csf": 0.16945545375347137,
  "tpm_overlap_gm": 0.45140713453292847,
  "tpm_overlap_wm": 0.5056050419807434,
  "wm2max": 0.5080743481701709
}