{
  "bids_meta": {
    "Columns": 256,
    "EchoTime": 0.00226,
    "EchoTrainLength": 1,
    "FlipAngle": 9,
    "ImageType": "ORIGINAL/PRIMARY/M/ND/NORM",
    "ImagingFrequency": 123.250249,
    "InplanePhaseEncodingDirection": "ROW",
    "InversionTime": 0.9,
    "MRAcquisitionType": "3D",
    "MagneticFieldStrength": 3,
    "Manufacturer": "SIEMENS",
    "ManufacturersModelName": "TrioTim",
    "NumberOfAverages": 1,
    "NumberOfPhaseEncodingSteps": 215,
    "PercentPhaseFieldOfView": 100,
    "PhaseEncodingDirection": "i-",
    "PixelBandwidth": 200,
    "PixelSpacing": [
      0.9765625,
      0.9765625
    ],
    "RealDwellTime": 9800,
    "RepetitionTime": 1.9,
    "Rows": 256,
    "ScanOptions": [
      "IR",
      "PFP"
    ],
    "ScanningSequence": [
      "GR",
      "IR"
    ],
    "SequenceName": "*tfl3d1_ns",
    "SequenceVariant": [
      "SP",
      "MP",
      "OSP"
    ],
    "SeriesDate": "18681104",
    "SeriesDescription": "MPRAGE",
    "SeriesNumber": 10,
    "SeriesTime": "174041.015000",
    "SliceThickness": 1,
    "StudyID": "1",
    "StudyTime": "162443.359000",
    "dataset": "ds000009",
    "modality": "T1w",
    "subject_id": "01"
  },
  "cjv": 0.4628801409423052,
  "cnr": 2.8987951429753678,
  "efc": 0.5370357782229004,
  "fber": 2707.410911045418,
  "fwhm_avg": 4.383724855592721,
  "fwhm_x": 4.123017126778166,
  "fwhm_y": 4.733992959999999,
  "fwhm_z": 4.29416448,
  "icvs_csf": 0.21108733615717773,
  "icvs_gm": 0.42081081507517937,
  "icvs_wm": 0.3681018487676429,
  "inu_med": 1.2613551616668701,
  "inu_range": 0.36969306468963614,
  "provenance": {
    "md5sum": "62646168f8015d117e25c0e5342d9d84",
    "settings": {
      "testing": false
    },
    "software": "mriqc",
    "version": "21.0.0rc2",
    "warnings": {
      "large_rot_frame": true,
      "small_air_mask": false
    },
    "webapi_port": null,
    "webapi_url": "https://mriqc.nimh.nih.gov/api/v1"
  },
  "qi_1": 6.254355246335599e-06,
  "qi_2": 0.003781818488096034,
  "rpve_csf": 29.59709421452583,
  "rpve_gm": 15.580870669610048,
  "rpve_wm": 21.293852023568046,
  "size_x": 176,
  "size_y": 256,
  "size_z": 256,
  "snr_csf": 3.455045222450926,
  "snr_gm": 13.872676432314082,
  "snr_total": 13.212947093391179,
  "snr_wm": 22.31111962540853,
  "snrd_csf": 28.780245758050725,
  "snrd_gm": 57.16946033325582,
  "snrd_total": 52.83421626275353,
  "snrd_wm": 72.55294269695405,
  "spacing_x": 0.9999982714653015,
  "spacing_y": 0.9765625,
  "spacing_z": 0.9765625,
  "summary_bg_k": 5.39971715565486,
  "summary_bg_mad": 9.030206642917818,
  "summary_bg_mean": 15.202474094317646,
  "summary_bg_median": 14.550201021134853,
  "summary_bg_n": 3604381.0,
  "summary_bg_p05": 2.9003722965717316,
  "summary_bg_p95": 35.19118386507034,
  "summary_bg_stdv": 10.730988067442347,
  "summary_csf_k": -0.32608443721798386,
  "summary_csf_mad": 123.95033642005052,
  "summary_csf_mean": 412.60575904460404,
  "summary_csf_median": 396.6984208635986,
  "summary_csf_n": 19868.0,
  "summary_csf_p05": 250.39880827069283,
  "summary_csf_p95": 613.9604756459594,
  "summary_csf_stdv": 114.8142533156013,
  "summary_gm_k": -0.12189545899929399,
  "summary_gm_mad": 56.8688013583753,
  "summary_gm_mean": 788.7386686339024,
  "summary_gm_median": 788.0069832094014,
  "summary_gm_n": 22152.0,
  "summary_gm_p05": 696.2343697920442,
  "summary_gm_p95": 884.4201923012733,
  "summary_gm_stdv": 56.801526402731525,
  "summary_wm_k": 0.48669081711951234,
  "summary_wm_mad": 41.280944653338594,
  "summary_wm_mean": 998.9976285732769,
  "summary_wm_median": 1000.048367857933,
  "summary_wm_n": 181571.0,
  "summary_wm_p05": 921.0132227763534,
  "summary_wm_p95": 1070.769112356007,
  "summary_wm_stdv": 44.82274447752743,
  "tpm_overlap_csf": 0.1814887821674347,
  "tpm_overlap_gm": 0.4487241208553314,
  "tpm_overlap_wm": 0.518574595451355,
  "wm2max": 0.4384459773169562
}