{
  "bids_meta": {
    "Columns": 256,
    "EchoTime": 0.00226,
    "EchoTrainLength": 1,
    "FlipAngle": 9,
    "ImageType": "ORIGINAL/PRIMARY/M/ND/NORM",
    "ImagingFrequency": 123.25,
    "InplanePhaseEncodingDirection": "ROW",
    "InversionTime": 0.9,
    "MRAcquisitionType": "3D",
    "MagneticFieldStrength": 3,
    "Manufacturer": "SIEMENS",
    "ManufacturersModelName": "TrioTim",
    "NumberOfAverages": 1,
    "NumberOfPhaseEncodingSteps": 215,
    "PercentPhaseFieldOfView": 100,
    "PhaseEncodingDirection": "i-",
    "PixelBandwidth": 200,
    "PixelSpacing": [
      0.9765625,
      0.9765625
    ],
    "RealDwellTime": 9800,
    "RepetitionTime": 1.9,
    "Rows": 256,
    "ScanOptions": [
      "IR",
      "PFP"
    ],
    "ScanningSequence": [
      "GR",
      "IR"
    ],
    "SequenceName": "*tfl3d1_ns",
    "SequenceVariant": [
      "SP",
      "MP",
      "OSP"
    ],
    "SeriesDate": "18690407",
    "SeriesDescription": "MPRAGE",
    "SeriesNumber": 11,
    "SeriesTime": "174741.578000",
    "SliceThickness": 1,
    "StudyID": "1",
    "StudyTime": "163208.640000",
    "dataset": "ds000009",
    "modality": "T1w",
    "subject_id": "28"
  },
  "cjv": 0.401407142139312,
  "cnr": 3.3864633357746623,
  "efc": 0.5366567222392928,
  "fber": 2842.3165170601073,
  "fwhm_avg": 4.263552805494629,
  "fwhm_x": 4.074687856483887,
  "fwhm_y": 4.34521088,
  "fwhm_z": 4.37075968,
  "icvs_csf": 0.2172777442192959,
  "icvs_gm": 0.43017187289464054,
  "icvs_wm": 0.3525503828860636,
  "inu_med": 1.6116154193878174,
  "inu_range": 0.5086958408355713,
  "provenance": {
    "md5sum": "41df1a47925f33b5c9a6d3b8387dca16",
    "settings": {
      "testing": false
    },
    "software": "mriqc",
    "version": "21.0.0rc2",
    "warnings": {
      "large_rot_frame": true,
      "small_air_mask": false
    },
    "webapi_port": null,
    "webapi_url": "https://mriqc.nimh.nih.gov/api/v1"
  },
  "qi_1": 8.831267531643063e-06,
  "qi_2": 0.0061565778117851485,
  "rpve_csf": 28.471893774250397,
  "rpve_gm": 15.105111408619457,
  "rpve_wm": 21.600516692639484,
  "size_x": 176,
  "size_y": 256,
  "size_z": 256,
  "snr_csf": 3.330398119007111,
  "snr_gm": 14.137050245838232,
  "snr_total": 12.746317734842693,
  "snr_wm": 20.771504839682738,
  "snrd_csf": 24.87800004368004,
  "snrd_gm": 47.767527614952265,
  "snrd_total": 45.34874549110805,
  "snrd_wm": 63.40070881469183,
  "spacing_x": 1.0000029802322388,
  "spacing_y": 0.9765625,
  "spacing_z": 0.9765625,
  "summary_bg_k": 7.197623062052953,
  "summary_bg_mad": 10.33378005554632,
  "summary_bg_mean": 15.637861373348688,
  "summary_bg_median": 13.989843375980854,
  "summary_bg_n": 3732425.0,
  "summary_bg_p05": 0.0,
  "summary_bg_p95": 38.28537208586931,
  "summary_bg_stdv": 11.99277587824216,
  "summary_csf_k": -0.6358779187142614,
  "summary_csf_mad": 133.52720086059495,
  "summary_csf_mean": 416.40639421909486,
  "summary_csf_median": 392.4126174002886,
  "summary_csf_n": 23447.0,
  "summary_csf_p05": 253.11161467432976,
  "summary_csf_p95": 613.7608154416084,
  "summary_csf_stdv": 117.825027282546,
  "summary_gm_k": -0.04472827607708707,
  "summary_gm_mad": 53.735656288840865,
  "summary_gm_mean": 753.6941610595735,
  "summary_gm_median": 753.4601055234671,
  "summary_gm_n": 23072.0,
  "summary_gm_p05": 666.6832478567958,
  "summary_gm_p95": 841.9023021969945,
  "summary_gm_stdv": 53.2956850115166,
  "summary_wm_k": 0.3736106496338505,
  "summary_wm_mad": 45.24719410035639,
  "summary_wm_mean": 997.690685549943,
  "summary_wm_median": 1000.0497647449374,
  "summary_wm_n": 171659.0,
  "summary_wm_p05": 912.5709256134927,
  "summary_wm_p95": 1072.1895620822906,
  "summary_wm_stdv": 48.14513245731571,
  "tpm_overlap_csf": 0.1783980280160904,
  "tpm_overlap_gm": 0.4636681079864502,
  "tpm_overlap_wm": 0.5190982222557068,
  "wm2max": 0.4506438731098847
}