{
  "bids_meta": {
    "Columns": 256,
    "EchoTime": 0.00226,
    "EchoTrainLength": 1,
    "FlipAngle": 9,
    "ImageType": "ORIGINAL/PRIMARY/M/ND/NORM",
    "ImagingFrequency": 123.250024,
    "InplanePhaseEncodingDirection": "ROW",
    "InversionTime": 0.9,
    "MRAcquisitionType": "3D",
    "MagneticFieldStrength": 3,
    "Manufacturer": "SIEMENS",
    "ManufacturersModelName": "TrioTim",
    "NumberOfAverages": 1,
    "NumberOfPhaseEncodingSteps": 215,
    "PercentPhaseFieldOfView": 100,
    "PhaseEncodingDirection": "i-",
    "PixelBandwidth": 200,
    "PixelSpacing": [
      0.9765625,
      0.9765625
    ],
    "RealDwellTime": 9800,
    "RepetitionTime": 1.9,
    "Rows": 256,
    "ScanOptions": [
      "IR",
      "PFP"
    ],
    "ScanningSequence": [
      "GR",
      "IR"
    ],
    "SequenceName": "*tfl3d1_ns",
    "SequenceVariant": [
      "SP",
      "MP",
      "OSP"
    ],
    "SeriesDate": "18690116",
    "SeriesDescription": "MPRAGE",
    "SeriesNumber": 11,
    "SeriesTime": "135512.671000",
    "SliceThickness": 1,
    "StudyID": "1",
    "StudyTime": "123055.859000",
    "dataset": "ds000009",
    "modality": "T1w",
    "subject_id": "13"
  },
  "cjv": 0.37203509855710776,
  "cnr": 3.576848578871313,
  "efc": 0.5760845608731998,
  "fber": 2125.471568331573,
  "fwhm_avg": 4.217820072637877,
  "fwhm_x": 3.995652857913631,
  "fwhm_y": 4.46261248,
  "fwhm_z": 4.19519488,
  "icvs_csf": 0.20551149064259577,
  "icvs_gm": 0.4450572913261587,
  "icvs_wm": 0.34943121803124555,
  "inu_med": 1.3188127279281616,
  "inu_range": 0.4551474452018738,
  "provenance": {
    "md5sum": "0ec868720adcce476b0996dd18e464e2",
    "settings": {
      "testing": false
    },
    "software": "mriqc",
    "version": "21.0.0rc2",
    "warnings": {
      "large_rot_frame": true,
      "small_air_mask": false
    },
    "webapi_port": null,
    "webapi_url": "https://mriqc.nimh.nih.gov/api/v1"
  },
  "qi_1": 3.9548046947587936e-05,
  "qi_2": 0.009509537530134367,
  "rpve_csf": 20.02895955693439,
  "rpve_gm": 10.105631257535368,
  "rpve_wm": 14.935458804200618,
  "size_x": 176,
  "size_y": 256,
  "size_z": 256,
  "snr_csf": 2.9499680702405393,
  "snr_gm": 13.432406519816254,
  "snr_total": 12.68327637582688,
  "snr_wm": 21.667454537423847,
  "snrd_csf": 24.803577682139633,
  "snrd_gm": 50.32036966237485,
  "snrd_total": 47.69491413025485,
  "snrd_wm": 67.96079504625007,
  "spacing_x": 0.9999992847442627,
  "spacing_y": 0.9765625,
  "spacing_z": 0.9765625,
  "summary_bg_k": 5.66385278767773,
  "summary_bg_mad": 9.639916282181197,
  "summary_bg_mean": 14.355277930327235,
  "summary_bg_median": 12.947014145553112,
  "summary_bg_n": 3696282.0,
  "summary_bg_p05": 3.1939770579338074,
  "summary_bg_p95": 32.28198240697384,
  "summary_bg_stdv": 9.888061144514696,
  "summary_csf_k": 18.721444106203307,
  "summary_csf_mad": 114.91794936389691,
  "summary_csf_mean": 392.5062550745855,
  "summary_csf_median": 364.96891417354345,
  "summary_csf_n": 31262.0,
  "summary_csf_p05": 243.4266800582409,
  "summary_csf_p95": 592.7650690045206,
  "summary_csf_stdv": 123.71763631868228,
  "summary_gm_k": 0.10592094177056044,
  "summary_gm_mad": 53.61146423599017,
  "summary_gm_mean": 741.5646241581215,
  "summary_gm_median": 740.4323243945837,
  "summary_gm_n": 37330.0,
  "summary_gm_p05": 652.3127787783742,
  "summary_gm_p95": 835.0538947358727,
  "summary_gm_stdv": 55.122096390250434,
  "summary_wm_k": 0.6668624991539103,
  "summary_wm_mad": 42.95681992410569,
  "summary_wm_mean": 998.0838958833319,
  "summary_wm_median": 999.9999956563115,
  "summary_wm_n": 247843.0,
  "summary_wm_p05": 918.3824747651815,
  "summary_wm_p95": 1069.9252791032195,
  "summary_wm_stdv": 46.15207460206812,
  "tpm_overlap_csf": 0.17246519029140472,
  "tpm_overlap_gm": 0.463927686214447,
  "tpm_overlap_wm": 0.5067819356918335,
  "wm2max": 0.4577328738512949
}