{
  "bids_meta": {
    "Columns": 256,
    "EchoTime": 0.00226,
    "EchoTrainLength": 1,
    "FlipAngle": 9,
    "ImageType": "ORIGINAL/PRIMARY/M/ND/NORM",
    "ImagingFrequency": 123.25003,
    "InplanePhaseEncodingDirection": "ROW",
    "InversionTime": 0.9,
    "MRAcquisitionType": "3D",
    "MagneticFieldStrength": 3,
    "Manufacturer": "SIEMENS",
    "ManufacturersModelName": "TrioTim",
    "NumberOfAverages": 1,
    "NumberOfPhaseEncodingSteps": 215,
    "PercentPhaseFieldOfView": 100,
    "PhaseEncodingDirection": "i-",
    "PixelBandwidth": 200,
    "PixelSpacing": [
      0.9765625,
      0.9765625
    ],
    "RealDwellTime": 9800,
    "RepetitionTime": 1.9,
    "Rows": 256,
    "ScanOptions": [
      "IR",
      "PFP"
    ],
    "ScanningSequence": [
      "GR",
      "IR"
    ],
    "SequenceName": "*tfl3d1_ns",
    "SequenceVariant": [
      "SP",
      "MP",
      "OSP"
    ],
    "SeriesDate": "18690122",
    "SeriesDescription": "MPRAGE",
    "SeriesNumber": 10,
    "SeriesTime": "174443.375000",
    "SliceThickness": 1,
    "StudyID": "1",
    "StudyTime": "163456.937000",
    "dataset": "ds000009",
    "modality": "T1w",
    "subject_id": "14"
  },
  "cjv": 0.5250027246508757,
  "cnr": 2.66230561504628,
  "efc": 0.6015162796636428,
  "fber": 2314.712112643656,
  "fwhm_avg": 4.242096613574428,
  "fwhm_x": 4.026662320723285,
  "fwhm_y": 4.47171584,
  "fwhm_z": 4.22791168,
  "icvs_csf": 0.18519197131776466,
  "icvs_gm": 0.44452727038422674,
  "icvs_wm": 0.3702807582980086,
  "inu_med": 1.485440731048584,
  "inu_range": 0.6291373133659361,
  "provenance": {
    "md5sum": "9e4ce46d7c161d083355bf75b83a90de",
    "settings": {
      "testing": false
    },
    "software": "mriqc",
    "version": "21.0.0rc2",
    "warnings": {
      "large_rot_frame": true,
      "small_air_mask": false
    },
    "webapi_port": null,
    "webapi_url": "https://mriqc.nimh.nih.gov/api/v1"
  },
  "qi_1": 0.0,
  "qi_2": 0.005165645865081402,
  "rpve_csf": 23.845347649327636,
  "rpve_gm": 11.06256315323364,
  "rpve_wm": 15.294759434088418,
  "size_x": 176,
  "size_y": 256,
  "size_z": 256,
  "snr_csf": 3.0234013234435864,
  "snr_gm": 13.2014798370964,
  "snr_total": 11.348511771018735,
  "snr_wm": 17.820654152516223,
  "snrd_csf": 25.071748643555672,
  "snrd_gm": 52.5058705662967,
  "snrd_total": 48.26946112223241,
  "snrd_wm": 67.23076415684486,
  "spacing_x": 0.9999944567680359,
  "spacing_y": 0.9765625,
  "spacing_z": 0.9765625,
  "summary_bg_k": 2.4645185795398152,
  "summary_bg_mad": 9.7445924990842,
  "summary_bg_mean": 15.822077593387425,
  "summary_bg_median": 13.09469684585929,
  "summary_bg_n": 3516265.0,
  "summary_bg_p05": 3.235755205154419,
  "summary_bg_p95": 35.896659307181835,
  "summary_bg_stdv": 10.927362766576616,
  "summary_csf_k": 21.89889133945129,
  "summary_csf_mad": 94.2227136257603,
  "summary_csf_mean": 402.0737318124566,
  "summary_csf_median": 372.9207873940468,
  "summary_csf_n": 22181.0,
  "summary_csf_p05": 261.9444955922663,
  "summary_csf_p95": 617.1697467081249,
  "summary_csf_stdv": 123.34200494532264,
  "summary_gm_k": -0.06165918276516713,
  "summary_gm_mad": 59.741847859770054,
  "summary_gm_mean": 782.1313343599919,
  "summary_gm_median": 780.9798539690673,
  "summary_gm_n": 34073.0,
  "summary_gm_p05": 687.5777576252818,
  "summary_gm_p95": 880.5804438777268,
  "summary_gm_stdv": 59.15764013809469,
  "summary_wm_k": 0.03199806304317443,
  "summary_wm_mad": 55.244343629423504,
  "summary_wm_mean": 999.537492631555,
  "summary_wm_median": 1000.0000344179571,
  "summary_wm_n": 254270.0,
  "summary_wm_p05": 905.0002839416265,
  "summary_wm_p95": 1091.1067669130862,
  "summary_wm_stdv": 56.11455446269937,
  "tpm_overlap_csf": 0.17529231309890747,
  "tpm_overlap_gm": 0.46392038464546204,
  "tpm_overlap_wm": 0.5143375396728516,
  "wm2max": 0.4528297739868816
}