{
  "bids_meta": {
    "Columns": 256,
    "EchoTime": 0.00226,
    "EchoTrainLength": 1,
    "FlipAngle": 9,
    "ImageType": "ORIGINAL/PRIMARY/M/ND/NORM",
    "ImagingFrequency": 123.249946,
    "InplanePhaseEncodingDirection": "ROW",
    "InversionTime": 0.9,
    "MRAcquisitionType": "3D",
    "MagneticFieldStrength": 3,
    "Manufacturer": "SIEMENS",
    "ManufacturersModelName": "TrioTim",
    "NumberOfAverages": 1,
    "NumberOfPhaseEncodingSteps": 215,
    "PercentPhaseFieldOfView": 100,
    "PhaseEncodingDirection": "i-",
    "PixelBandwidth": 200,
    "PixelSpacing": [
      0.9765625,
      0.9765625
    ],
    "RealDwellTime": 9800,
    "RepetitionTime": 1.9,
    "Rows": 256,
    "ScanOptions": [
      "IR",
      "PFP"
    ],
    "ScanningSequence": [
      "GR",
      "IR"
    ],
    "SequenceName": "*tfl3d1_ns",
    "SequenceVariant": [
      "SP",
      "MP",
      "OSP"
    ],
    "SeriesDate": "18690128",
    "SeriesDescription": "MPRAGE",
    "SeriesNumber": 11,
    "SeriesTime": "172648.031000",
    "SliceThickness": 1,
    "StudyID": "1",
    "StudyTime": "155426.546000",
    "dataset": "ds000009",
    "modality": "T1w",
    "subject_id": "17"
  },
  "cjv": 0.37657788436808953,
  "cnr": 3.5945956175272515,
  "efc": 0.533531538526261,
  "fber": 3073.9510257752013,
  "fwhm_avg": 4.238612750329447,
  "fwhm_x": 3.9866068909883405,
  "fwhm_y": 4.5275136,
  "fwhm_z": 4.20171776,
  "icvs_csf": 0.19660292430870874,
  "icvs_gm": 0.4304396970148841,
  "icvs_wm": 0.37295737867640716,
  "inu_med": 1.3257330656051636,
  "inu_range": 0.36843690276145935,
  "provenance": {
    "md5sum": "f708daebe0d96bab90b1b26d83c3bc7c",
    "settings": {
      "testing": false
    },
    "software": "mriqc",
    "version": "21.0.0rc2",
    "warnings": {
      "large_rot_frame": true,
      "small_air_mask": false
    },
    "webapi_port": null,
    "webapi_url": "https://mriqc.nimh.nih.gov/api/v1"
  },
  "qi_1": 0.0,
  "qi_2": 0.015216944926073945,
  "rpve_csf": 28.32707864334661,
  "rpve_gm": 14.079702189022088,
  "rpve_wm": 19.189684885736536,
  "size_x": 176,
  "size_y": 256,
  "size_z": 256,
  "snr_csf": 3.0779489255114867,
  "snr_gm": 14.954644744517761,
  "snr_total": 14.216047018405071,
  "snr_wm": 24.615547385185966,
  "snrd_csf": 27.95073412293312,
  "snrd_gm": 51.10671041024274,
  "snrd_total": 48.680752009687716,
  "snrd_wm": 66.98481149588726,
  "spacing_x": 0.9999982714653015,
  "spacing_y": 0.9765625,
  "spacing_z": 0.9765625,
  "summary_bg_k": 3.595401936744035,
  "summary_bg_mad": 9.78037226623042,
  "summary_bg_mean": 13.347941351322799,
  "summary_bg_median": 10.141289062798023,
  "summary_bg_n": 4055909.0,
  "summary_bg_p05": 0.0,
  "summary_bg_p95": 30.571555864065886,
  "summary_bg_stdv": 9.769087450910229,
  "summary_csf_k": 9.66654680207288,
  "summary_csf_mad": 161.6680938037342,
  "summary_csf_mean": 428.8328721422971,
  "summary_csf_median": 417.2697383314371,
  "summary_csf_n": 16897.0,
  "summary_csf_p05": 248.65850027278066,
  "summary_csf_p95": 628.8189973637461,
  "summary_csf_stdv": 135.56345501380278,
  "summary_gm_k": 0.007019754347646234,
  "summary_gm_mad": 50.8725333549448,
  "summary_gm_mean": 762.9609791935952,
  "summary_gm_median": 762.9596985206008,
  "summary_gm_n": 24179.0,
  "summary_gm_p05": 678.5802351534367,
  "summary_gm_p95": 846.6499480679631,
  "summary_gm_stdv": 51.017187908522985,
  "summary_wm_k": 0.5481108897792475,
  "summary_wm_mad": 38.391610537591056,
  "summary_wm_mean": 998.8879709412216,
  "summary_wm_median": 1000.0000229738653,
  "summary_wm_n": 200320.0,
  "summary_wm_p05": 929.9438996689395,
  "summary_wm_p95": 1063.0138579271734,
  "summary_wm_stdv": 40.624630901611305,
  "tpm_overlap_csf": 0.16501030325889587,
  "tpm_overlap_gm": 0.4617769122123718,
  "tpm_overlap_wm": 0.5150495767593384,
  "wm2max": 0.4983317795986458
}