{
  "aor": 0.0004956996587030717,
  "aqi": 0.004522957986348122,
  "bids_meta": {
    "BandwidthPerPixelPhaseEncode": 39.557,
    "CogAtlasID": "tsk_4a57abb949e98",
    "Columns": 384,
    "EchoTime": 0.03,
    "EchoTrainLength": 1,
    "EffectiveEchoSpacing": 0.000395,
    "FlipAngle": 90,
    "ImageType": "ORIGINAL/PRIMARY/M/ND/MOSAIC",
    "ImagingFrequency": 123.249667,
    "InplanePhaseEncodingDirection": "COL",
    "InversionTime": 0,
    "MRAcquisitionType": "2D",
    "MagneticFieldStrength": 3,
    "Manufacturer": "SIEMENS",
    "ManufacturersModelName": "TrioTim",
    "NumberOfAverages": 1,
    "NumberOfPhaseEncodingSteps": 63,
    "PATModeText": "p2",
    "PercentPhaseFieldOfView": 100,
    "PhaseEncodingDirection": "j-",
    "PixelBandwidth": 1420,
    "PixelSpacing": [
      3,
      3
    ],
    "RealDwellTime": 5500,
    "RepetitionTime": 2,
    "Rows": 384,
    "ScanOptions": "FS",
    "ScanningSequence": "EP",
    "SequenceName": "*epfid2d1_64",
    "SequenceVariant": "SK",
    "SeriesDate": "18690129",
    "SeriesDescription": "BOLD IPAT2 TD",
    "SeriesNumber": 4,
    "SeriesTime": "114922.359000",
    "SliceThickness": 4,
    "SliceTiming": [
      1.005,
      0.0,
      1.0625,
      0.06,
      1.1225,
      0.1175,
      1.18,
      0.1775,
      1.24,
      0.235,
      1.3,
      0.295,
      1.3575,
      0.355,
      1.4175,
      0.4125,
      1.475,
      0.4725,
      1.535,
      0.5325,
      1.595,
      0.59,
      1.6525,
      0.65,
      1.7125,
      0.7075,
      1.7725,
      0.7675,
      1.83,
      0.8275,
      1.89,
      0.885,
      1.9475,
      0.945
    ],
    "SpacingBetweenSlices": 4.0,
    "StudyID": "1",
    "StudyTime": "112157.328000",
    "TaskDescription": "Behavioral participants performed one run of the TD task (Kable & Glimcher, 2007; McClure, Laibson, Loewenstein, & Cohen, 2004) and MRI participants performed one additional run during MRI scanning. Participants made a series of decisions regarding whether they would prefer to receive a smaller amount of money immediately or a larger, variable amount of money after a variable delay. For all trials, the two payment/delay options were presented adjacent to each other on the computer monitor and participants were instructed to press the left of two buttons with their right index finger if they preferred the option displayed on the left of the monitor (the immediate option) and to press the right button with their right middle finger if they preferred the option displayed on the right of the monitor (the delayed option). The behavioral and MRI versions were very different from each other because we took advantage of learning about the individual discounting parameter for each participant during the behavioral version to determine the choices presented during the MRI version.\nFor the behavioral version, the immediate amount was either $5 or $10. There were six possible delays (2 days, 1 week, 3 weeks, 2 months, 4 months & 1 year). The delays were evenly distributed along a log scale then adjusted to give delays that would be easily interpreted (i.e., 2 months instead of 71 days). The dollar amount of the delayed option ranged from $5 to $120 and was determined adaptively with a staircasing procedure (Du, Green, & Myerson, 2002; Estle, Green, Myerson, & Holt, 2007). Based on previous lit- erature, it was assumed that each participant’s pattern of discounting the value of the delayed option followed a hyperbolic curve (Kable & Glimcher, 2007; Monterosso et al., 2007). The parameter describing the steepness of the curve (k; discounting parameter) has an average value of approximately 0.013 based on previous results from studies in healthy adults (Kable & Glimcher, 2007; Kirby, Petry, & Bickel, 1999; Monterosso et al., 2007). Assuming a hyperbolic discounting function, the equation to determine the subjective value of a delayed option is: SV =V/(1+kD) where SV = the subjective value of the payment after accounting for its discounted value, V = the numerical value of the payment, k = the individual’s discounting parameter, and D = the delay in days of the payment. We calculated the indifference point of each option, where the subjective value of the delayed amount was equal to the actual value of the immediate amount; this would result in an option where a person with the same discounting parameter would feel that the two options were equivalent. This allowed us to calculate the actual value of the delayed amount given the delay and the immediate amount: V =SV ∗(1+kD) where SV is equal to the immediate amount on any given trial. There were 96 adaptive trials: 50% with each immediate value ($5 and $10) and 8 occurrences of each delay for each starting value. The order of trials was random. The task began by assigning a k- value of 0.013 (the average in the healthy adult population) to each of two staircases, one assigned to all immediate $5 options and a second assigned to all immediate $10 options. A combination of the k-value, the delay, and the immediate amount was used to determine the delayed amount presented to the participant. The only constraint to this approach was that the maximum delayed amount was capped at $120. After each trial, the k-value was updated based on the QUEST toolbox in MATLAB (A. B. Watson & Pelli, 1983). The QUEST parameters were as follows: starting estimate (0.013), standard deviation (.02), probability of choosing delayed (0.5), Weibull function parameters (beta = 5, delta = 0.01, gamma = 0.01), step size (0.001), and range of responses (1). If a participant chose the immediate amount, the indifference k-value on that trial was smaller than the person’s actual k-value and it was increased on the next trial. If a participant chose the delayed amount, the indifference k-value was decreased on the next trial. This procedure was used so that the staircases would converge at the person’s indifference k-value by the end of the run. Order of immediate amount and delay was random. As a check of this adaptive procedure, 54 trials with a set indifference k-value were randomly interspersed throughout the task. There were nine pre-defined k-values (.005, .0075, .01, .02, .03, .04, .05, .075, .1; Kirby et al., 1999). Each k-value was tested once per delay and randomly assigned to a starting value of $5 or $10, since pilot testing showed no difference between the converged k-values for the two starting values. Order of k-value, delay, and immediate amount was random. This allowed us to compare the k-values determined through the adaptive and through the set method, which were highly correlated (r = 0.89, p < .00001). The means of the two values were not significantly different from each other (t(76)=0.95, p = .3). Two different list orders were used to ensure that there were no order effects.\nEach choice was displayed to participants until a choice was made or 8000 ms. After 3000 ms if no response was made, a prompt appeared underneath the options to remind participants to respond. After the choice was made, a fixation crosshair was displayed for 1000 ms before the next trial began. There was one brief break in the middle of the run.\nFor the MRI version, we took advantage of having an estimate of each participant’s discounting parameter (k). We defined trials as hard or easy based on each person’s previously estimated indifference k-value. Hard trials gave choices that were only a small amount different from the indifference delayed amount (1% or 5%). Easy trials gave choices that were quite different from the indifference delayed amount (95%, 99%, 190%, or 200%). The same immediate amounts and delays were used as in the behavioral version. There were 96 trials. For each of the two immediate values each delay was tested 8 times at different degrees of difficulty. For each immediate value/delay combination, there were two hard amounts that were less than the indifference delayed amount (1% and 5%; hard immediate), two hard amounts that were more than the indifference delayed amount (1% and 5%; hard delayed), two easy amounts that were less than the indifference delayed amount (95% and 99%; easy immediate), and two easy amounts that were more than the indifference delayed amount (190% and 200%; easy delayed). Note that for the easy amounts the percent change was different for easy immediate and easy delayed trials. This is because if the easy immediate amount was more than 100% less than the indifference value, then the delayed amount could be less than the immediate amount. We constrained the minimum delayed amount so it could be no less than the immediate amount. Trial order was generated using an m-sequence (Liu, 2004; Liu & Frank, 2004), a pseudorandom sequence optimized to maximize the tradeoff between power and efficiency, with 13 trial types (6 delays x hard vs. easy + null events). Because no differences were seen between immediate values of $5 or $10, order of those was pseudorandom, constrained so that 50% of hard immediate, 50% of hard delayed, 50% of easy immediate, and 50% of easy delayed had immediate values of $5 and 50% of each had immediate values of $10. Four different list orders were used to ensure that there would not be order effects.\nAt the beginning and end of the task a fixation crosshair was displayed on the screen for 16 seconds to get a baseline comparison. Each choice was displayed to participants for 4500 ms regardless of when they made their choice. There was a fixation crosshair between trials for 750 ms. There were eight null events (fixation crosshair) with a duration of 5250 ms randomly interspersed throughout the task. The run lasted 580 seconds (Figure 3).\nParticipants received the actual amount of money at the delay chosen for one randomly selected trial on this task (with the delayed amount capped at $120) to ensure that they took the task seriously. Participants were briefed on the payment procedure before the task and all stated in a debriefing questionnaire after the study that they believed it would occur as explained.",
    "TaskInstructions": "See TaskDescription",
    "TaskName": "discounting",
    "dataset": "ds000009",
    "modality": "bold",
    "subject_id": "18",
    "task_id": "discounting"
  },
  "dummy_trs": 0,
  "dvars_nstd": 21.403653589075343,
  "dvars_std": 1.1052419799315054,
  "dvars_vstd": 1.0040463911643835,
  "efc": 0.5563098857812216,
  "fber": 1579.88720703125,
  "fd_mean": 0.13425995567940616,
  "fd_num": 54,
  "fd_perc": 18.43003412969283,
  "fwhm_avg": 2.0838616666666665,
  "fwhm_x": 2.080443333333333,
  "fwhm_y": 2.2360266666666666,
  "fwhm_z": 1.935115,
  "gcor": 0.0567872,
  "gsr_x": -0.0027476113755255938,
  "gsr_y": 0.029262131080031395,
  "provenance": {
    "md5sum": "b902d4b285bd63dca0f29b26a2a382be",
    "settings": {
      "fd_thres": 0.2,
      "testing": false
    },
    "software": "mriqc",
    "version": "21.0.0rc2",
    "webapi_port": null,
    "webapi_url": "https://mriqc.nimh.nih.gov/api/v1"
  },
  "size_t": 293,
  "size_x": 64,
  "size_y": 64,
  "size_z": 34,
  "snr": 5.149173070494969,
  "spacing_tr": 2.0,
  "spacing_x": 3.0,
  "spacing_y": 3.0,
  "spacing_z": 4.0,
  "summary_bg_k": 29.872501117245108,
  "summary_bg_mad": 9.735584803566608,
  "summary_bg_mean": 51.612300872802734,
  "summary_bg_median": 19.832763671875,
  "summary_bg_n": 77329.0,
  "summary_bg_p05": 12.457337379455566,
  "summary_bg_p95": 215.38565673828066,
  "summary_bg_stdv": 83.97244262695312,
  "summary_fg_k": 0.8612116462507986,
  "summary_fg_mad": 147.56706187779696,
  "summary_fg_mean": 837.580810546875,
  "summary_fg_median": 825.795166015625,
  "summary_fg_n": 28891.0,
  "summary_fg_p05": 603.3839416503906,
  "summary_fg_p95": 1126.8344116210938,
  "summary_fg_stdv": 160.37155151367188,
  "tsnr": 67.75126132951118
}