{
  "bids_meta": {
    "Columns": 256,
    "EchoTime": 0.00226,
    "EchoTrainLength": 1,
    "FlipAngle": 9,
    "ImageType": "ORIGINAL/PRIMARY/M/ND/NORM",
    "ImagingFrequency": 123.249998,
    "InplanePhaseEncodingDirection": "ROW",
    "InversionTime": 0.9,
    "MRAcquisitionType": "3D",
    "MagneticFieldStrength": 3,
    "Manufacturer": "SIEMENS",
    "ManufacturersModelName": "TrioTim",
    "NumberOfAverages": 1,
    "NumberOfPhaseEncodingSteps": 215,
    "PercentPhaseFieldOfView": 100,
    "PhaseEncodingDirection": "i-",
    "PixelBandwidth": 200,
    "PixelSpacing": [
      0.9765625,
      0.9765625
    ],
    "RealDwellTime": 9800,
    "RepetitionTime": 1.9,
    "Rows": 256,
    "ScanOptions": [
      "IR",
      "PFP"
    ],
    "ScanningSequence": [
      "GR",
      "IR"
    ],
    "SequenceName": "*tfl3d1_ns",
    "SequenceVariant": [
      "SP",
      "MP",
      "OSP"
    ],
    "SeriesDate": "18690127",
    "SeriesDescription": "MPRAGE",
    "SeriesNumber": 10,
    "SeriesTime": "142608.593000",
    "SliceThickness": 1,
    "StudyID": "1",
    "StudyTime": "131404.718000",
    "dataset": "ds000009",
    "modality": "T1w",
    "subject_id": "16"
  },
  "cjv": 0.40580918826503815,
  "cnr": 3.30748798671779,
  "efc": 0.5640929519699633,
  "fber": 2971.483159640466,
  "fwhm_avg": 4.172709155946138,
  "fwhm_x": 3.9097690678384143,
  "fwhm_y": 4.4109824,
  "fwhm_z": 4.197376,
  "icvs_csf": 0.19250894821050293,
  "icvs_gm": 0.4474584209639807,
  "icvs_wm": 0.36003263082551634,
  "inu_med": 1.4194692373275757,
  "inu_range": 0.4722366809844969,
  "provenance": {
    "md5sum": "46d2680c9caa066ab90d43b34edb769f",
    "settings": {
      "testing": false
    },
    "software": "mriqc",
    "version": "21.0.0rc2",
    "warnings": {
      "large_rot_frame": true,
      "small_air_mask": false
    },
    "webapi_port": null,
    "webapi_url": "https://mriqc.nimh.nih.gov/api/v1"
  },
  "qi_1": 0.0,
  "qi_2": 0.0061525350677910685,
  "rpve_csf": 24.522316863226003,
  "rpve_gm": 11.808641885426633,
  "rpve_wm": 17.039839670887734,
  "size_x": 176,
  "size_y": 256,
  "size_z": 256,
  "snr_csf": 2.8703268266838258,
  "snr_gm": 13.45348479849202,
  "snr_total": 12.93719343365458,
  "snr_wm": 22.48776867578789,
  "snrd_csf": 24.52653957993553,
  "snrd_gm": 50.092321974668565,
  "snrd_total": 46.84707489092754,
  "snrd_wm": 65.92236311817854,
  "spacing_x": 1.000000238418579,
  "spacing_y": 0.9765625,
  "spacing_z": 0.9765625,
  "summary_bg_k": 2.08798026144286,
  "summary_bg_mad": 9.938615845602552,
  "summary_bg_mean": 14.887500444258803,
  "summary_bg_median": 13.40698903799057,
  "summary_bg_n": 3886059.0,
  "summary_bg_p05": 0.0,
  "summary_bg_p95": 33.517472594976425,
  "summary_bg_stdv": 10.180416414761664,
  "summary_csf_k": 9.400789242187642,
  "summary_csf_mad": 125.290976609147,
  "summary_csf_mean": 398.6610277390029,
  "summary_csf_median": 372.0749805010855,
  "summary_csf_n": 16766.0,
  "summary_csf_p05": 240.72062609530985,
  "summary_csf_p95": 603.9352006465197,
  "summary_csf_stdv": 129.6242228446581,
  "summary_gm_k": 0.026500671367495343,
  "summary_gm_mad": 55.85870202111805,
  "summary_gm_mean": 760.2601238353456,
  "summary_gm_median": 759.9155870005488,
  "summary_gm_n": 35597.0,
  "summary_gm_p05": 667.8666761517525,
  "summary_gm_p95": 854.0127878412604,
  "summary_gm_stdv": 56.48387198085287,
  "summary_wm_k": 0.543274864881345,
  "summary_wm_mad": 41.59494779826254,
  "summary_wm_mean": 998.038787175112,
  "summary_wm_median": 1000.0620712041855,
  "summary_wm_n": 226745.0,
  "summary_wm_p05": 920.6753166690469,
  "summary_wm_p95": 1066.8487388193607,
  "summary_wm_stdv": 44.47128038191418,
  "tpm_overlap_csf": 0.17095860838890076,
  "tpm_overlap_gm": 0.4622378945350647,
  "tpm_overlap_wm": 0.5087540149688721,
  "wm2max": 0.4843674843674844
}