{
  "bids_meta": {
    "Columns": 256,
    "EchoTime": 0.00226,
    "EchoTrainLength": 1,
    "FlipAngle": 9,
    "ImageType": "ORIGINAL/PRIMARY/M/ND/NORM",
    "ImagingFrequency": 123.249593,
    "InplanePhaseEncodingDirection": "ROW",
    "InversionTime": 0.9,
    "MRAcquisitionType": "3D",
    "MagneticFieldStrength": 3,
    "Manufacturer": "SIEMENS",
    "ManufacturersModelName": "TrioTim",
    "NumberOfAverages": 1,
    "NumberOfPhaseEncodingSteps": 215,
    "PercentPhaseFieldOfView": 100,
    "PhaseEncodingDirection": "i-",
    "PixelBandwidth": 200,
    "PixelSpacing": [
      0.9765625,
      0.9765625
    ],
    "RealDwellTime": 9800,
    "RepetitionTime": 1.9,
    "Rows": 256,
    "ScanOptions": [
      "IR",
      "PFP"
    ],
    "ScanningSequence": [
      "GR",
      "IR"
    ],
    "SequenceName": "*tfl3d1_ns",
    "SequenceVariant": [
      "SP",
      "MP",
      "OSP"
    ],
    "SeriesDate": "18690304",
    "SeriesDescription": "MPRAGE",
    "SeriesNumber": 10,
    "SeriesTime": "132115.312000",
    "SliceThickness": 1,
    "StudyID": "1",
    "StudyTime": "120145.875000",
    "dataset": "ds000009",
    "modality": "T1w",
    "subject_id": "24"
  },
  "cjv": 0.4503854624173183,
  "cnr": 2.99363109728803,
  "efc": 0.5425395436985162,
  "fber": 3666.092097613334,
  "fwhm_avg": 4.270978809923174,
  "fwhm_x": 4.034634989769522,
  "fwhm_y": 4.57294848,
  "fwhm_z": 4.20535296,
  "icvs_csf": 0.1929155152067057,
  "icvs_gm": 0.43481303496042056,
  "icvs_wm": 0.37227144983287375,
  "inu_med": 1.4682354927062988,
  "inu_range": 0.4540533721446991,
  "provenance": {
    "md5sum": "7fb9b15c426e26473c80b165854b88ea",
    "settings": {
      "testing": false
    },
    "software": "mriqc",
    "version": "21.0.0rc2",
    "warnings": {
      "large_rot_frame": true,
      "small_air_mask": false
    },
    "webapi_port": null,
    "webapi_url": "https://mriqc.nimh.nih.gov/api/v1"
  },
  "qi_1": 0.0,
  "qi_2": 0.008964027991652445,
  "rpve_csf": 28.81881588353151,
  "rpve_gm": 13.841678121092661,
  "rpve_wm": 18.95430330412333,
  "size_x": 176,
  "size_y": 256,
  "size_z": 256,
  "snr_csf": 3.3200309411422073,
  "snr_gm": 14.431046312849297,
  "snr_total": 12.850873160946179,
  "snr_wm": 20.80154222884703,
  "snrd_csf": 30.394227966261592,
  "snrd_gm": 55.2840579424109,
  "snrd_total": 52.14158715559901,
  "snrd_wm": 70.74647555812454,
  "spacing_x": 1.0000061988830566,
  "spacing_y": 0.9765625,
  "spacing_z": 0.9765625,
  "summary_bg_k": 3.2524673907332344,
  "summary_bg_mad": 9.260794553792765,
  "summary_bg_mean": 12.895827874629395,
  "summary_bg_median": 12.541805561631918,
  "summary_bg_n": 3835845.0,
  "summary_bg_p05": 0.0,
  "summary_bg_p95": 31.379105679690838,
  "summary_bg_stdv": 9.334590003687822,
  "summary_csf_k": -0.9623233675840996,
  "summary_csf_mad": 165.30882876730865,
  "summary_csf_mean": 445.4224931943901,
  "summary_csf_median": 429.64291170053184,
  "summary_csf_n": 15908.0,
  "summary_csf_p05": 262.78771417960525,
  "summary_csf_p95": 647.0096163265407,
  "summary_csf_stdv": 129.4052420341512,
  "summary_gm_k": -0.14223366089962175,
  "summary_gm_mad": 55.346008396289044,
  "summary_gm_mean": 780.8470071663604,
  "summary_gm_median": 781.4774453677237,
  "summary_gm_n": 27637.0,
  "summary_gm_p05": 690.7731402039528,
  "summary_gm_p95": 868.1978828825055,
  "summary_gm_stdv": 54.1515348265059,
  "summary_wm_k": 0.5274031609386611,
  "summary_wm_mad": 43.09550851410649,
  "summary_wm_mean": 996.048217607675,
  "summary_wm_median": 1000.0491469986737,
  "summary_wm_n": 199297.0,
  "summary_wm_p05": 906.1085641644895,
  "summary_wm_p95": 1068.5126502998173,
  "summary_wm_stdv": 48.075600695937354,
  "tpm_overlap_csf": 0.17791996896266937,
  "tpm_overlap_gm": 0.46498072147369385,
  "tpm_overlap_wm": 0.5124076008796692,
  "wm2max": 0.4466533400698548
}