{
  "aor": 0.0006892934782608696,
  "aqi": 0.0031732079347826085,
  "bids_meta": {
    "BandwidthPerPixelPhaseEncode": 39.557,
    "CogAtlasID": "tsk_4a57abb949e1a",
    "Columns": 384,
    "EchoTime": 0.03,
    "EchoTrainLength": 1,
    "EffectiveEchoSpacing": 0.000395,
    "FlipAngle": 90,
    "ImageType": "ORIGINAL/PRIMARY/M/ND/MOSAIC",
    "ImagingFrequency": 123.249926,
    "InplanePhaseEncodingDirection": "COL",
    "InversionTime": 0,
    "MRAcquisitionType": "2D",
    "MagneticFieldStrength": 3,
    "Manufacturer": "SIEMENS",
    "ManufacturersModelName": "TrioTim",
    "NumberOfAverages": 1,
    "NumberOfPhaseEncodingSteps": 63,
    "PATModeText": "p2",
    "PercentPhaseFieldOfView": 100,
    "PhaseEncodingDirection": "j-",
    "PixelBandwidth": 1420,
    "PixelSpacing": [
      3,
      3
    ],
    "RealDwellTime": 5500,
    "RepetitionTime": 2,
    "Rows": 384,
    "ScanOptions": "FS",
    "ScanningSequence": "EP",
    "SequenceName": "*epfid2d1_64",
    "SequenceVariant": "SK",
    "SeriesDate": "18690122",
    "SeriesDescription": "BOLD IPAT2 SS",
    "SeriesNumber": 8,
    "SeriesTime": "172006.500000",
    "SliceThickness": 4,
    "SliceTiming": [
      1.005,
      0.0,
      1.0625,
      0.06,
      1.1225,
      0.12,
      1.1825,
      0.1775,
      1.24,
      0.2375,
      1.3,
      0.295,
      1.3575,
      0.355,
      1.4175,
      0.415,
      1.4775,
      0.4725,
      1.535,
      0.5325,
      1.595,
      0.59,
      1.655,
      0.65,
      1.7125,
      0.71,
      1.7725,
      0.7675,
      1.83,
      0.8275,
      1.89,
      0.8875,
      1.95,
      0.945
    ],
    "SpacingBetweenSlices": 4.0,
    "StudyID": "1",
    "StudyTime": "163456.937000",
    "TaskDescription": "Behavioral participants performed three runs of the SS task (Logan, Dagenbach, & Carr, 1994) and MRI participants performed two more during MRI scanning. The primary task was a simple two-choice reaction time task with spatially compatible stimulus-response mappings. On go trials, participants pressed the right button with their right middle finger if an arrow pointed rightwards and the left button with their right index finger if the arrow pointed leftwards. On each go trial, an open circle appeared on the computer monitor for 500 ms to indicate that the primary stimulus was about to appear (visual angle subtended 4.9 x 4.9). Then the arrow, pointing left or right, appeared in the center of the circle until the participant responded or 1000 ms elapsed. The duration of the blank screen between the trials was 500 ms for the behavioral version and was jittered between 500 and 4000 ms (mean 1000 ms, sampled from an exponential distribution) for the MRI version so as to optimize our ability to compare successful inhibition trials to go trials with fMRI.\nOn 25% of the trials, a tone was sounded (stop trials) and participants tried to inhibit their already initiated response to the arrow. The tone was presented at varying delays (the stop-signal delay; SSD) after the onset of the go stimulus. If participants responded on a stop trial, the trial proceeded as if it were a go trial. If participants inhibited their response, the arrow remained on the screen for 1000 ms, followed by the jittered interval between trials (Figure 1).\nAn adaptive, tracking staircase procedure was used to adjust the SSD at which the presentation of the stop-signal resulted in approximately 50% inhibition of responses. Two independent staircase functions with a step size of 50 ms were used to determine SSD. Starting delays for the two ladders on the first run of the stop-signal task were 250 ms and 350 ms respectively. The delay of each staircase was increased by 50 ms if a participant successfully inhibited his or her response to make it more difficult to inhibit a response on the next stop trial. If a participant responded on a stop trial, however, the delay was decreased by 50 ms to make it easier to inhibit a response on the next stop trial. For each subsequent run, the last SSD of each staircase on the previous block was used as each staircase’s starting value. By using a dynamic SSD, we ensured that each participant was able to successfully inhibit his or her responses on approximately 50% of the stop trials. The two staircases began at slightly different delays in order to maximize the chance that at least one would begin close to a participant’s ideal SSD.\nEach run had 128 trials: 96 go trials and 32 stop trials and lasted between 352 and 362 seconds, depending on the length of the jittered inter-trial intervals. For each eight trials, there were four left arrows and four right arrows. There were also two stop trials (one for each ladder). Order of arrow direction, stop-trial ladder, and on which trials the stop-signal occurred were randomized. For behavioral trials there were four different list orders and for MRI trials each participant had a unique list order to ensure that there were no order effects.",
    "TaskInstructions": "See TaskDescription",
    "TaskName": "stop signal",
    "dataset": "ds000009",
    "modality": "bold",
    "run_id": 2,
    "subject_id": "14",
    "task_id": "stopsignal"
  },
  "dummy_trs": 0,
  "dvars_nstd": 18.621136691038263,
  "dvars_std": 1.0584535033879783,
  "dvars_vstd": 0.99815731010929,
  "efc": 0.5893899304369395,
  "fber": 1322.68505859375,
  "fd_mean": 0.05320808859362262,
  "fd_num": 0,
  "fd_perc": 0.0,
  "fwhm_avg": 2.3770655555555553,
  "fwhm_x": 2.332663333333333,
  "fwhm_y": 2.573113333333333,
  "fwhm_z": 2.22542,
  "gcor": 0.0117531,
  "gsr_x": 0.03270088881254196,
  "gsr_y": 0.02381749451160431,
  "provenance": {
    "md5sum": "4521f5661c3331fa041665af65675c3a",
    "settings": {
      "fd_thres": 0.2,
      "testing": false
    },
    "software": "mriqc",
    "version": "21.0.0rc2",
    "webapi_port": null,
    "webapi_url": "https://mriqc.nimh.nih.gov/api/v1"
  },
  "size_t": 184,
  "size_x": 64,
  "size_y": 64,
  "size_z": 34,
  "snr": 5.004049077844161,
  "spacing_tr": 2.0,
  "spacing_x": 3.0,
  "spacing_y": 3.0,
  "spacing_z": 4.0,
  "summary_bg_k": 11.697042744989382,
  "summary_bg_mad": 13.343419966550417,
  "summary_bg_mean": 65.1546630859375,
  "summary_bg_median": 22.98369598388672,
  "summary_bg_n": 71858.0,
  "summary_bg_p05": 12.766304969787598,
  "summary_bg_p95": 291.74267120361293,
  "summary_bg_stdv": 100.8239517211914,
  "summary_fg_k": 0.9350881063715106,
  "summary_fg_mad": 146.1289811614584,
  "summary_fg_mean": 889.1758422851562,
  "summary_fg_median": 870.4402465820312,
  "summary_fg_n": 32822.0,
  "summary_fg_p05": 638.3396942138672,
  "summary_fg_p95": 1213.268194580078,
  "summary_fg_stdv": 173.9445343017578,
  "tsnr": 76.38673362974077
}