{
  "bids_meta": {
    "Columns": 256,
    "EchoTime": 0.00226,
    "EchoTrainLength": 1,
    "FlipAngle": 9,
    "ImageType": "ORIGINAL/PRIMARY/M/ND/NORM",
    "ImagingFrequency": 123.250002,
    "InplanePhaseEncodingDirection": "ROW",
    "InversionTime": 0.9,
    "MRAcquisitionType": "3D",
    "MagneticFieldStrength": 3,
    "Manufacturer": "SIEMENS",
    "ManufacturersModelName": "TrioTim",
    "NumberOfAverages": 1,
    "NumberOfPhaseEncodingSteps": 215,
    "PercentPhaseFieldOfView": 100,
    "PhaseEncodingDirection": "i-",
    "PixelBandwidth": 200,
    "PixelSpacing": [
      0.9765625,
      0.9765625
    ],
    "RealDwellTime": 9800,
    "RepetitionTime": 1.9,
    "Rows": 256,
    "ScanOptions": [
      "IR",
      "PFP"
    ],
    "ScanningSequence": [
      "GR",
      "IR"
    ],
    "SequenceName": "*tfl3d1_ns",
    "SequenceVariant": [
      "SP",
      "MP",
      "OSP"
    ],
    "SeriesDate": "18690312",
    "SeriesDescription": "MPRAGE",
    "SeriesNumber": 10,
    "SeriesTime": "134028.765000",
    "SliceThickness": 1,
    "StudyID": "1",
    "StudyTime": "123417.234000",
    "dataset": "ds000009",
    "modality": "T1w",
    "subject_id": "26"
  },
  "cjv": 0.3770671120893829,
  "cnr": 3.5531030415445586,
  "efc": 0.5520957252899952,
  "fber": 3276.3059131469363,
  "fwhm_avg": 4.006726753898548,
  "fwhm_x": 3.7459633016956415,
  "fwhm_y": 4.2859008,
  "fwhm_z": 3.9883161599999997,
  "icvs_csf": 0.1877649294948944,
  "icvs_gm": 0.4448336819505636,
  "icvs_wm": 0.36740138855454196,
  "inu_med": 1.5650806427001953,
  "inu_range": 0.4795043826103209,
  "provenance": {
    "md5sum": "f3a12e77167854098121a63c7ec3569f",
    "settings": {
      "testing": false
    },
    "software": "mriqc",
    "version": "21.0.0rc2",
    "warnings": {
      "large_rot_frame": true,
      "small_air_mask": false
    },
    "webapi_port": null,
    "webapi_url": "https://mriqc.nimh.nih.gov/api/v1"
  },
  "qi_1": 2.732460645104108e-05,
  "qi_2": 0.022592269778775823,
  "rpve_csf": 25.38394037824933,
  "rpve_gm": 11.881959377233379,
  "rpve_wm": 16.842229846029817,
  "size_x": 176,
  "size_y": 256,
  "size_z": 256,
  "snr_csf": 2.2671430890536257,
  "snr_gm": 13.523882710567523,
  "snr_total": 13.192005364616476,
  "snr_wm": 23.784990294228276,
  "snrd_csf": 28.37237400124247,
  "snrd_gm": 51.64778335923938,
  "snrd_total": 49.61774765583514,
  "snrd_wm": 68.83308560702356,
  "spacing_x": 1.0000017881393433,
  "spacing_y": 0.9765625,
  "spacing_z": 0.9765625,
  "summary_bg_k": 2.470963668369831,
  "summary_bg_mad": 9.51775454063456,
  "summary_bg_mean": 13.814768373471532,
  "summary_bg_median": 12.96637710928917,
  "summary_bg_n": 4105527.0,
  "summary_bg_p05": 0.0,
  "summary_bg_p95": 32.352382101118565,
  "summary_bg_stdv": 9.574309855245307,
  "summary_csf_k": 22.15308073432923,
  "summary_csf_mad": 142.48361252910348,
  "summary_csf_mean": 443.6160062327828,
  "summary_csf_median": 412.190958596766,
  "summary_csf_n": 17565.0,
  "summary_csf_p05": 257.2936006784439,
  "summary_csf_p95": 651.725707489252,
  "summary_csf_stdv": 181.80556274378338,
  "summary_gm_k": 0.060057309799313785,
  "summary_gm_mad": 54.65641221354499,
  "summary_gm_mean": 751.9681636681416,
  "summary_gm_median": 750.3337341919541,
  "summary_gm_n": 31276.0,
  "summary_gm_p05": 663.4462954252958,
  "summary_gm_p95": 846.882395118475,
  "summary_gm_stdv": 55.48123677160867,
  "summary_wm_k": 0.5241449541016525,
  "summary_wm_mad": 39.48454606461267,
  "summary_wm_mean": 998.6294902894947,
  "summary_wm_median": 1000.000054217875,
  "summary_wm_n": 223815.0,
  "summary_wm_p05": 926.5874779373407,
  "summary_wm_p95": 1064.7683790922165,
  "summary_wm_stdv": 42.04323011517178,
  "tpm_overlap_csf": 0.16256888210773468,
  "tpm_overlap_gm": 0.458477646112442,
  "tpm_overlap_wm": 0.5040321350097656,
  "wm2max": 0.4785000045240292
}