{
  "bids_meta": {
    "Columns": 256,
    "EchoTime": 0.00226,
    "EchoTrainLength": 1,
    "FlipAngle": 9,
    "ImageType": "ORIGINAL/PRIMARY/M/ND/NORM",
    "ImagingFrequency": 123.249724,
    "InplanePhaseEncodingDirection": "ROW",
    "InversionTime": 0.9,
    "MRAcquisitionType": "3D",
    "MagneticFieldStrength": 3,
    "Manufacturer": "SIEMENS",
    "ManufacturersModelName": "TrioTim",
    "NumberOfAverages": 1,
    "NumberOfPhaseEncodingSteps": 215,
    "PercentPhaseFieldOfView": 100,
    "PhaseEncodingDirection": "i-",
    "PixelBandwidth": 200,
    "PixelSpacing": [
      0.9765625,
      0.9765625
    ],
    "RealDwellTime": 9800,
    "RepetitionTime": 1.9,
    "Rows": 256,
    "ScanOptions": [
      "IR",
      "PFP"
    ],
    "ScanningSequence": [
      "GR",
      "IR"
    ],
    "SequenceName": "*tfl3d1_ns",
    "SequenceVariant": [
      "SP",
      "MP",
      "OSP"
    ],
    "SeriesDate": "18681107",
    "SeriesDescription": "MPRAGE",
    "SeriesNumber": 10,
    "SeriesTime": "135922.062000",
    "SliceThickness": 1,
    "StudyID": "1",
    "StudyTime": "125003.078000",
    "dataset": "ds000009",
    "modality": "T1w",
    "subject_id": "05"
  },
  "cjv": 0.3761119421701589,
  "cnr": 3.6051837974012555,
  "efc": 0.5577711021294156,
  "fber": 3085.193762901107,
  "fwhm_avg": 4.1753992673001425,
  "fwhm_x": 4.050119721900425,
  "fwhm_y": 4.32851968,
  "fwhm_z": 4.1475584,
  "icvs_csf": 0.20109879770755976,
  "icvs_gm": 0.4293733805458885,
  "icvs_wm": 0.3695278217465518,
  "inu_med": 1.5952199697494507,
  "inu_range": 0.46380310058593754,
  "provenance": {
    "md5sum": "a9d9040892e929df4a7279f7491b8ffe",
    "settings": {
      "testing": false
    },
    "software": "mriqc",
    "version": "21.0.0rc2",
    "warnings": {
      "large_rot_frame": true,
      "small_air_mask": false
    },
    "webapi_port": null,
    "webapi_url": "https://mriqc.nimh.nih.gov/api/v1"
  },
  "qi_1": 0.0,
  "qi_2": 0.006361186432431296,
  "rpve_csf": 28.272358556472497,
  "rpve_gm": 14.068207260218225,
  "rpve_wm": 19.128325545197352,
  "size_x": 176,
  "size_y": 256,
  "size_z": 256,
  "snr_csf": 3.383930215499205,
  "snr_gm": 14.505910847051391,
  "snr_total": 12.995698047664026,
  "snr_wm": 21.097253080441483,
  "snrd_csf": 30.759534629675745,
  "snrd_gm": 61.71379726041591,
  "snrd_total": 58.4271381142453,
  "snrd_wm": 82.80808245264424,
  "spacing_x": 1.0000050067901611,
  "spacing_y": 0.9765625,
  "spacing_z": 0.9765625,
  "summary_bg_k": 10.283978518837946,
  "summary_bg_mad": 7.911502827807982,
  "summary_bg_mean": 13.580666623501557,
  "summary_bg_median": 10.582010596990585,
  "summary_bg_n": 3796966.0,
  "summary_bg_p05": 0.0,
  "summary_bg_p95": 32.876588478684425,
  "summary_bg_stdv": 10.319843505385005,
  "summary_csf_k": -0.46779790529339005,
  "summary_csf_mad": 119.54414866086128,
  "summary_csf_mean": 392.6678325361112,
  "summary_csf_median": 371.45570531487465,
  "summary_csf_n": 18771.0,
  "summary_csf_p05": 245.6473571062088,
  "summary_csf_p95": 585.8544755727053,
  "summary_csf_stdv": 109.76757412964379,
  "summary_gm_k": -0.06789363225586786,
  "summary_gm_mad": 51.827048185555675,
  "summary_gm_mean": 744.5834415700202,
  "summary_gm_median": 745.2629685401917,
  "summary_gm_n": 22176.0,
  "summary_gm_p05": 659.5215493440628,
  "summary_gm_p95": 827.8840512782335,
  "summary_gm_stdv": 51.37534435725862,
  "summary_wm_k": 0.3702451082973761,
  "summary_wm_mad": 43.98259199188166,
  "summary_wm_mean": 997.3277348844454,
  "summary_wm_median": 1000.0000014156103,
  "summary_wm_n": 194926.0,
  "summary_wm_p05": 911.5904684364796,
  "summary_wm_p95": 1070.4110719263554,
  "summary_wm_stdv": 47.399414157068705,
  "tpm_overlap_csf": 0.17749038338661194,
  "tpm_overlap_gm": 0.44037556648254395,
  "tpm_overlap_wm": 0.5064932703971863,
  "wm2max": 0.4976146541248481
}