{
  "bids_meta": {
    "Columns": 256,
    "EchoTime": 0.00226,
    "EchoTrainLength": 1,
    "FlipAngle": 9,
    "ImageType": "ORIGINAL/PRIMARY/M/ND/NORM",
    "ImagingFrequency": 123.250077,
    "InplanePhaseEncodingDirection": "ROW",
    "InversionTime": 0.9,
    "MRAcquisitionType": "3D",
    "MagneticFieldStrength": 3,
    "Manufacturer": "SIEMENS",
    "ManufacturersModelName": "TrioTim",
    "NumberOfAverages": 1,
    "NumberOfPhaseEncodingSteps": 215,
    "PercentPhaseFieldOfView": 100,
    "PhaseEncodingDirection": "i-",
    "PixelBandwidth": 200,
    "PixelSpacing": [
      0.9765625,
      0.9765625
    ],
    "RealDwellTime": 9800,
    "RepetitionTime": 1.9,
    "Rows": 256,
    "ScanOptions": [
      "IR",
      "PFP"
    ],
    "ScanningSequence": [
      "GR",
      "IR"
    ],
    "SequenceName": "*tfl3d1_ns",
    "SequenceVariant": [
      "SP",
      "MP",
      "OSP"
    ],
    "SeriesDate": "18690205",
    "SeriesDescription": "MPRAGE",
    "SeriesNumber": 10,
    "SeriesTime": "160216.546000",
    "SliceThickness": 1,
    "StudyID": "1",
    "StudyTime": "144926.468000",
    "dataset": "ds000009",
    "modality": "T1w",
    "subject_id": "21"
  },
  "cjv": 0.35881192585114585,
  "cnr": 3.758596953280653,
  "efc": 0.5474023328885687,
  "fber": 3053.813934854132,
  "fwhm_avg": 4.268530983891832,
  "fwhm_x": 3.9830854316754976,
  "fwhm_y": 4.583669759999999,
  "fwhm_z": 4.23883776,
  "icvs_csf": 0.20139763190849208,
  "icvs_gm": 0.4253569238731779,
  "icvs_wm": 0.37324544421833,
  "inu_med": 1.449352741241455,
  "inu_range": 0.4202066540718077,
  "provenance": {
    "md5sum": "9ea2afe91bec30c08aac2e4c434e05af",
    "settings": {
      "testing": false
    },
    "software": "mriqc",
    "version": "21.0.0rc2",
    "warnings": {
      "large_rot_frame": true,
      "small_air_mask": false
    },
    "webapi_port": null,
    "webapi_url": "https://mriqc.nimh.nih.gov/api/v1"
  },
  "qi_1": 0.0,
  "qi_2": 0.004592293465014782,
  "rpve_csf": 24.589354862984983,
  "rpve_gm": 12.51146748812597,
  "rpve_wm": 17.19817709506434,
  "size_x": 176,
  "size_y": 256,
  "size_z": 256,
  "snr_csf": 3.205636380255658,
  "snr_gm": 13.883121144016133,
  "snr_total": 14.377232287378481,
  "snr_wm": 26.04293933786365,
  "snrd_csf": 34.190199148762844,
  "snrd_gm": 62.774250785944986,
  "snrd_total": 60.2638443151435,
  "snrd_wm": 83.82708301072266,
  "spacing_x": 0.9999961256980896,
  "spacing_y": 0.9765625,
  "spacing_z": 0.9765625,
  "summary_bg_k": 6.091531447582772,
  "summary_bg_mad": 7.815330608590928,
  "summary_bg_mean": 12.696831899547815,
  "summary_bg_median": 10.542720779776573,
  "summary_bg_n": 4133070.0,
  "summary_bg_p05": 2.6127612367272377,
  "summary_bg_p95": 29.015401102602482,
  "summary_bg_stdv": 8.99801257586673,
  "summary_csf_k": -0.8802956887354965,
  "summary_csf_mad": 155.83089639564346,
  "summary_csf_mean": 423.21031334176837,
  "summary_csf_median": 407.86578042805195,
  "summary_csf_n": 20639.0,
  "summary_csf_p05": 248.07021994814278,
  "summary_csf_p95": 632.751182243973,
  "summary_csf_stdv": 127.23086806483597,
  "summary_gm_k": 0.05811096901553103,
  "summary_gm_mad": 53.61996391459341,
  "summary_gm_mean": 747.5100380104781,
  "summary_gm_median": 748.8540407791734,
  "summary_gm_n": 29810.0,
  "summary_gm_p05": 656.4906391650438,
  "summary_gm_p95": 834.1836141165346,
  "summary_gm_stdv": 53.93898623051346,
  "summary_wm_k": 0.5635583737982088,
  "summary_wm_mad": 36.494195972289816,
  "summary_wm_mean": 999.8516693423336,
  "summary_wm_median": 999.9999849200249,
  "summary_wm_n": 226715.0,
  "summary_wm_p05": 936.7436602413654,
  "summary_wm_p95": 1061.8353341892362,
  "summary_wm_stdv": 38.39803819884705,
  "tpm_overlap_csf": 0.1519046276807785,
  "tpm_overlap_gm": 0.4356848895549774,
  "tpm_overlap_wm": 0.48485153913497925,
  "wm2max": 0.48978676393700926
}