{
  "bids_meta": {
    "Columns": 256,
    "EchoTime": 0.00226,
    "EchoTrainLength": 1,
    "FlipAngle": 9,
    "ImageType": "ORIGINAL/PRIMARY/M/ND/NORM",
    "ImagingFrequency": 123.250034,
    "InplanePhaseEncodingDirection": "ROW",
    "InversionTime": 0.9,
    "MRAcquisitionType": "3D",
    "MagneticFieldStrength": 3,
    "Manufacturer": "SIEMENS",
    "ManufacturersModelName": "TrioTim",
    "NumberOfAverages": 1,
    "NumberOfPhaseEncodingSteps": 215,
    "PercentPhaseFieldOfView": 100,
    "PhaseEncodingDirection": "i-",
    "PixelBandwidth": 200,
    "PixelSpacing": [
      0.9765625,
      0.9765625
    ],
    "RealDwellTime": 9800,
    "RepetitionTime": 1.9,
    "Rows": 256,
    "ScanOptions": [
      "IR",
      "PFP"
    ],
    "ScanningSequence": [
      "GR",
      "IR"
    ],
    "SequenceName": "*tfl3d1_ns",
    "SequenceVariant": [
      "SP",
      "MP",
      "OSP"
    ],
    "SeriesDate": "18681106",
    "SeriesDescription": "MPRAGE",
    "SeriesNumber": 10,
    "SeriesTime": "142340.562000",
    "SliceThickness": 1,
    "StudyID": "1",
    "StudyTime": "130755.250000",
    "dataset": "ds000009",
    "modality": "T1w",
    "subject_id": "03"
  },
  "cjv": 0.35167206594189326,
  "cnr": 3.8004936218287058,
  "efc": 0.57693210685314,
  "fber": 2243.391865655393,
  "fwhm_avg": 4.347707370648776,
  "fwhm_x": 4.146251711946328,
  "fwhm_y": 4.58131456,
  "fwhm_z": 4.31555584,
  "icvs_csf": 0.18951843641444924,
  "icvs_gm": 0.425131627956201,
  "icvs_wm": 0.3853499356293497,
  "inu_med": 1.4991002082824707,
  "inu_range": 0.5221215486526489,
  "provenance": {
    "md5sum": "486a468e70d08d242000a3e3711b6fc9",
    "settings": {
      "testing": false
    },
    "software": "mriqc",
    "version": "21.0.0rc2",
    "warnings": {
      "large_rot_frame": true,
      "small_air_mask": false
    },
    "webapi_port": null,
    "webapi_url": "https://mriqc.nimh.nih.gov/api/v1"
  },
  "qi_1": 7.367318919968381e-06,
  "qi_2": 0.005720798945686035,
  "rpve_csf": 21.82098074425002,
  "rpve_gm": 10.578647229351045,
  "rpve_wm": 14.032687270951003,
  "size_x": 176,
  "size_y": 256,
  "size_z": 256,
  "snr_csf": 3.534571898945488,
  "snr_gm": 13.799860793311101,
  "snr_total": 13.648058612831036,
  "snr_wm": 23.609743146236525,
  "snrd_csf": 28.069448897405227,
  "snrd_gm": 51.30456836769625,
  "snrd_total": 49.63486704896354,
  "snrd_wm": 69.53058388178914,
  "spacing_x": 1.0000044107437134,
  "spacing_y": 0.9765625,
  "spacing_z": 0.9765625,
  "summary_bg_k": 9.15286712212043,
  "summary_bg_mad": 9.422276312951768,
  "summary_bg_mean": 14.512482855596593,
  "summary_bg_median": 12.66303051263094,
  "summary_bg_n": 4354323.0,
  "summary_bg_p05": 3.1301873177289963,
  "summary_bg_p95": 34.43206049501896,
  "summary_bg_stdv": 10.215031196187425,
  "summary_csf_k": -0.4207877537614033,
  "summary_csf_mad": 123.5443244914646,
  "summary_csf_mean": 421.41561509911384,
  "summary_csf_median": 403.6993098258972,
  "summary_csf_n": 20135.0,
  "summary_csf_p05": 257.81360998749733,
  "summary_csf_p95": 617.5764723718165,
  "summary_csf_stdv": 114.21164894300746,
  "summary_gm_k": 0.25015047505367516,
  "summary_gm_mad": 52.10378170072582,
  "summary_gm_mean": 740.5539551891068,
  "summary_gm_median": 737.8705195337534,
  "summary_gm_n": 29941.0,
  "summary_gm_p05": 657.1496284008026,
  "summary_gm_p95": 832.9143889993429,
  "summary_gm_stdv": 53.468524676212944,
  "summary_wm_k": 0.42052959725168204,
  "summary_wm_mad": 40.0798320774814,
  "summary_wm_mean": 998.9871336611163,
  "summary_wm_median": 999.999993853271,
  "summary_wm_n": 283591.0,
  "summary_wm_p05": 926.9148626923561,
  "summary_wm_p95": 1066.3030524924397,
  "summary_wm_stdv": 42.35532019790883,
  "tpm_overlap_csf": 0.16011136770248413,
  "tpm_overlap_gm": 0.4504105746746063,
  "tpm_overlap_wm": 0.5021905899047852,
  "wm2max": 0.4898475978068953
}