{
  "bids_meta": {
    "Columns": 256,
    "EchoTime": 0.00226,
    "EchoTrainLength": 1,
    "FlipAngle": 9,
    "ImageType": "ORIGINAL/PRIMARY/M/ND/NORM",
    "ImagingFrequency": 123.249757,
    "InplanePhaseEncodingDirection": "ROW",
    "InversionTime": 0.9,
    "MRAcquisitionType": "3D",
    "MagneticFieldStrength": 3,
    "Manufacturer": "SIEMENS",
    "ManufacturersModelName": "TrioTim",
    "NumberOfAverages": 1,
    "NumberOfPhaseEncodingSteps": 215,
    "PercentPhaseFieldOfView": 100,
    "PhaseEncodingDirection": "i-",
    "PixelBandwidth": 200,
    "PixelSpacing": [
      0.9765625,
      0.9765625
    ],
    "RealDwellTime": 9800,
    "RepetitionTime": 1.9,
    "Rows": 256,
    "ScanOptions": [
      "IR",
      "PFP"
    ],
    "ScanningSequence": [
      "GR",
      "IR"
    ],
    "SequenceName": "*tfl3d1_ns",
    "SequenceVariant": [
      "SP",
      "MP",
      "OSP"
    ],
    "SeriesDate": "18690129",
    "SeriesDescription": "MPRAGE",
    "SeriesNumber": 10,
    "SeriesTime": "124712.609000",
    "SliceThickness": 1,
    "StudyID": "1",
    "StudyTime": "112157.328000",
    "dataset": "ds000009",
    "modality": "T1w",
    "subject_id": "18"
  },
  "cjv": 0.36755228778174515,
  "cnr": 3.714099001151302,
  "efc": 0.5725791267655912,
  "fber": 2762.6360476739715,
  "fwhm_avg": 4.1208352131587,
  "fwhm_x": 3.9549433994761003,
  "fwhm_y": 4.398663679999999,
  "fwhm_z": 4.00889856,
  "icvs_csf": 0.20543452577392482,
  "icvs_gm": 0.42873075791944426,
  "icvs_wm": 0.36583471630663095,
  "inu_med": 1.3565993309020996,
  "inu_range": 0.4010471701622009,
  "provenance": {
    "md5sum": "4570ce29d894bfe60fc5382fab3c0a8b",
    "settings": {
      "testing": false
    },
    "software": "mriqc",
    "version": "21.0.0rc2",
    "warnings": {
      "large_rot_frame": true,
      "small_air_mask": false
    },
    "webapi_port": null,
    "webapi_url": "https://mriqc.nimh.nih.gov/api/v1"
  },
  "qi_1": 2.6582645444687532e-05,
  "qi_2": 0.005954831679656018,
  "rpve_csf": 23.776503041213324,
  "rpve_gm": 12.245471096557646,
  "rpve_wm": 16.864779772287964,
  "size_x": 176,
  "size_y": 256,
  "size_z": 256,
  "snr_csf": 3.2633487256302165,
  "snr_gm": 14.520117953815216,
  "snr_total": 13.608386564465683,
  "snr_wm": 23.041693013951615,
  "snrd_csf": 28.27174723146166,
  "snrd_gm": 58.914786168192926,
  "snrd_total": 55.33013978962423,
  "snrd_wm": 78.8038859692181,
  "spacing_x": 1.0000016689300537,
  "spacing_y": 0.9765625,
  "spacing_z": 0.9765625,
  "summary_bg_k": 3.5177747170802887,
  "summary_bg_mad": 8.313965077955674,
  "summary_bg_mean": 13.02557319011021,
  "summary_bg_median": 11.326411709189415,
  "summary_bg_n": 3745206.0,
  "summary_bg_p05": 2.8316029272973537,
  "summary_bg_p95": 30.925545696169138,
  "summary_bg_stdv": 9.126191499260875,
  "summary_csf_k": -0.03834120827112697,
  "summary_csf_mad": 103.47182280188397,
  "summary_csf_mean": 383.74556028651193,
  "summary_csf_median": 358.78074737638235,
  "summary_csf_n": 24242.0,
  "summary_csf_p05": 243.85098150372505,
  "summary_csf_p95": 596.2439658058807,
  "summary_csf_stdv": 109.9402415990239,
  "summary_gm_k": 0.011271302154431506,
  "summary_gm_mad": 51.44780370022075,
  "summary_gm_mean": 747.2459580233855,
  "summary_gm_median": 747.6542160585523,
  "summary_gm_n": 29677.0,
  "summary_gm_p05": 662.250850906223,
  "summary_gm_p95": 831.6695405602453,
  "summary_gm_stdv": 51.49005137591128,
  "summary_wm_k": 0.3677431798518245,
  "summary_wm_mad": 41.32287593201731,
  "summary_wm_mean": 998.8811813102096,
  "summary_wm_median": 1000.0555279701948,
  "summary_wm_n": 215583.0,
  "summary_wm_p05": 924.7682030797005,
  "summary_wm_p95": 1067.847433347255,
  "summary_wm_stdv": 43.40189793956787,
  "tpm_overlap_csf": 0.17899399995803833,
  "tpm_overlap_gm": 0.45911937952041626,
  "tpm_overlap_wm": 0.49997901916503906,
  "wm2max": 0.4872453810155003
}