{
  "bids_meta": {
    "Columns": 256,
    "EchoTime": 0.00226,
    "EchoTrainLength": 1,
    "FlipAngle": 9,
    "ImageType": "ORIGINAL/PRIMARY/M/ND/NORM",
    "ImagingFrequency": 123.249679,
    "InplanePhaseEncodingDirection": "ROW",
    "InversionTime": 0.9,
    "MRAcquisitionType": "3D",
    "MagneticFieldStrength": 3,
    "Manufacturer": "SIEMENS",
    "ManufacturersModelName": "TrioTim",
    "NumberOfAverages": 1,
    "NumberOfPhaseEncodingSteps": 215,
    "PercentPhaseFieldOfView": 100,
    "PhaseEncodingDirection": "i-",
    "PixelBandwidth": 200,
    "PixelSpacing": [
      0.9765625,
      0.9765625
    ],
    "RealDwellTime": 9800,
    "RepetitionTime": 1.9,
    "Rows": 256,
    "ScanOptions": [
      "IR",
      "PFP"
    ],
    "ScanningSequence": [
      "GR",
      "IR"
    ],
    "SequenceName": "*tfl3d1_ns",
    "SequenceVariant": [
      "SP",
      "MP",
      "OSP"
    ],
    "SeriesDate": "18681107",
    "SeriesDescription": "MPRAGE",
    "SeriesNumber": 10,
    "SeriesTime": "120629.765000",
    "SliceThickness": 1,
    "StudyID": "1",
    "StudyTime": "104507.171000",
    "dataset": "ds000009",
    "modality": "T1w",
    "subject_id": "04"
  },
  "cjv": 0.3797310804635729,
  "cnr": 3.5254845478603674,
  "efc": 0.5619091274505278,
  "fber": 2190.169091483012,
  "fwhm_avg": 4.10736679565326,
  "fwhm_x": 3.8484799069597777,
  "fwhm_y": 4.365486079999999,
  "fwhm_z": 4.1081344,
  "icvs_csf": 0.2039771518816557,
  "icvs_gm": 0.4401261226331971,
  "icvs_wm": 0.35589672548514717,
  "inu_med": 1.359955072402954,
  "inu_range": 0.4180260837078096,
  "provenance": {
    "md5sum": "4a69ed1999a06631c6c55cd3e6d7a81a",
    "settings": {
      "testing": false
    },
    "software": "mriqc",
    "version": "21.0.0rc2",
    "warnings": {
      "large_rot_frame": true,
      "small_air_mask": false
    },
    "webapi_port": null,
    "webapi_url": "https://mriqc.nimh.nih.gov/api/v1"
  },
  "qi_1": 0.00014469452645820055,
  "qi_2": 0.010331414257027362,
  "rpve_csf": 21.307076380303464,
  "rpve_gm": 10.774146020592843,
  "rpve_wm": 15.56487477823612,
  "size_x": 176,
  "size_y": 256,
  "size_z": 256,
  "snr_csf": 2.8323055063720037,
  "snr_gm": 14.020997905269827,
  "snr_total": 13.37326914896729,
  "snr_wm": 23.26650403526004,
  "snrd_csf": 23.461084352541675,
  "snrd_gm": 51.27905023860412,
  "snrd_total": 47.569162171356574,
  "snrd_wm": 67.96735192292394,
  "spacing_x": 1.0000026226043701,
  "spacing_y": 0.9765625,
  "spacing_z": 0.9765625,
  "summary_bg_k": 4.587016072531706,
  "summary_bg_mad": 9.639572169484618,
  "summary_bg_mean": 14.646881823220287,
  "summary_bg_median": 13.003585249185562,
  "summary_bg_n": 4144321.0,
  "summary_bg_p05": 0.0,
  "summary_bg_p95": 32.93431404232979,
  "summary_bg_stdv": 10.383272832690269,
  "summary_csf_k": 24.582406689420218,
  "summary_csf_mad": 100.44974737360138,
  "summary_csf_mean": 377.72952030175685,
  "summary_csf_median": 345.2026532739401,
  "summary_csf_n": 26235.0,
  "summary_csf_p05": 242.26773078739643,
  "summary_csf_p95": 586.3705481126904,
  "summary_csf_stdv": 121.87812133491525,
  "summary_gm_k": 0.0015816114808049342,
  "summary_gm_mad": 53.96358625720828,
  "summary_gm_mean": 756.2548073285973,
  "summary_gm_median": 754.511766538024,
  "summary_gm_n": 34240.0,
  "summary_gm_p05": 670.7783998399973,
  "summary_gm_p95": 846.9374830953776,
  "summary_gm_stdv": 53.812200356063826,
  "summary_wm_k": 0.7373463113043988,
  "summary_wm_mad": 39.27900435416162,
  "summary_wm_mean": 998.2105414031923,
  "summary_wm_median": 1000.0607758462429,
  "summary_wm_n": 239771.0,
  "summary_wm_p05": 923.9837256968021,
  "summary_wm_p95": 1065.139466509223,
  "summary_wm_stdv": 42.98276564793224,
  "tpm_overlap_csf": 0.15556123852729797,
  "tpm_overlap_gm": 0.4396028518676758,
  "tpm_overlap_wm": 0.48160097002983093,
  "wm2max": 0.45666138986631954
}