{
  "bids_meta": {
    "Columns": 256,
    "EchoTime": 0.00226,
    "EchoTrainLength": 1,
    "FlipAngle": 9,
    "ImageType": "ORIGINAL/PRIMARY/M/ND/NORM",
    "ImagingFrequency": 123.250039,
    "InplanePhaseEncodingDirection": "ROW",
    "InversionTime": 0.9,
    "MRAcquisitionType": "3D",
    "MagneticFieldStrength": 3,
    "Manufacturer": "SIEMENS",
    "ManufacturersModelName": "TrioTim",
    "NumberOfAverages": 1,
    "NumberOfPhaseEncodingSteps": 215,
    "PercentPhaseFieldOfView": 100,
    "PhaseEncodingDirection": "i-",
    "PixelBandwidth": 200,
    "PixelSpacing": [
      0.9765625,
      0.9765625
    ],
    "RealDwellTime": 9800,
    "RepetitionTime": 1.9,
    "Rows": 256,
    "ScanOptions": [
      "IR",
      "PFP"
    ],
    "ScanningSequence": [
      "GR",
      "IR"
    ],
    "SequenceName": "*tfl3d1_ns",
    "SequenceVariant": [
      "SP",
      "MP",
      "OSP"
    ],
    "SeriesDate": "18690130",
    "SeriesDescription": "MPRAGE",
    "SeriesNumber": 10,
    "SeriesTime": "170241.812000",
    "SliceThickness": 1,
    "StudyID": "1",
    "StudyTime": "154553.500000",
    "dataset": "ds000009",
    "modality": "T1w",
    "subject_id": "20"
  },
  "cjv": 0.39511815549168167,
  "cnr": 3.4095926046806952,
  "efc": 0.5566031003255573,
  "fber": 2209.6309175262377,
  "fwhm_avg": 4.165925731802425,
  "fwhm_x": 3.940608555407278,
  "fwhm_y": 4.4102656,
  "fwhm_z": 4.14690304,
  "icvs_csf": 0.20811928207537309,
  "icvs_gm": 0.42443339379050693,
  "icvs_wm": 0.36744732413412,
  "inu_med": 1.3773456811904907,
  "inu_range": 0.4355486035346985,
  "provenance": {
    "md5sum": "7cb3aa9a942f389723a2abd97c00b840",
    "settings": {
      "testing": false
    },
    "software": "mriqc",
    "version": "21.0.0rc2",
    "warnings": {
      "large_rot_frame": true,
      "small_air_mask": false
    },
    "webapi_port": null,
    "webapi_url": "https://mriqc.nimh.nih.gov/api/v1"
  },
  "qi_1": 0.0,
  "qi_2": 0.008300409581055636,
  "rpve_csf": 23.86799416341194,
  "rpve_gm": 12.465713874676444,
  "rpve_wm": 17.353496548536445,
  "size_x": 176,
  "size_y": 256,
  "size_z": 256,
  "snr_csf": 3.288586041084258,
  "snr_gm": 12.789148314001977,
  "snr_total": 12.887461457446747,
  "snr_wm": 22.584650017254006,
  "snrd_csf": 24.48736082034241,
  "snrd_gm": 51.51276260219881,
  "snrd_total": 48.3075652991798,
  "snrd_wm": 68.92257247499818,
  "spacing_x": 0.9999952912330627,
  "spacing_y": 0.9765625,
  "spacing_z": 0.9765625,
  "summary_bg_k": 14.751203977048778,
  "summary_bg_mad": 9.50539646307292,
  "summary_bg_mean": 14.778594265162555,
  "summary_bg_median": 12.876461379230022,
  "summary_bg_n": 4020573.0,
  "summary_bg_p05": 0.0,
  "summary_bg_p95": 35.28904687613249,
  "summary_bg_stdv": 10.627658563013211,
  "summary_csf_k": -0.0940514126094043,
  "summary_csf_mad": 101.56396304871612,
  "summary_csf_mean": 381.71622541939433,
  "summary_csf_median": 355.2879688926041,
  "summary_csf_n": 20476.0,
  "summary_csf_p05": 245.66294884495437,
  "summary_csf_p95": 589.2058609146625,
  "summary_csf_stdv": 108.03405738241997,
  "summary_gm_k": 0.016918595261124825,
  "summary_gm_mad": 57.950967512263894,
  "summary_gm_mean": 749.6791644055868,
  "summary_gm_median": 747.4004622735083,
  "summary_gm_n": 23794.0,
  "summary_gm_p05": 657.3460472300649,
  "summary_gm_p95": 849.4693161770701,
  "summary_gm_stdv": 58.438977960747806,
  "summary_wm_k": 0.5078813920582448,
  "summary_wm_mad": 41.85569535000177,
  "summary_wm_mean": 999.2110888424685,
  "summary_wm_median": 999.9999985769391,
  "summary_wm_n": 223632.0,
  "summary_wm_p05": 924.896286599338,
  "summary_wm_p95": 1069.9315754398704,
  "summary_wm_stdv": 44.27776219664643,
  "tpm_overlap_csf": 0.17799629271030426,
  "tpm_overlap_gm": 0.45893770456314087,
  "tpm_overlap_wm": 0.5217953324317932,
  "wm2max": 0.4344006918675171
}