{
  "bids_meta": {
    "Columns": 256,
    "EchoTime": 0.00226,
    "EchoTrainLength": 1,
    "FlipAngle": 9,
    "ImageType": "ORIGINAL/PRIMARY/M/ND/NORM",
    "ImagingFrequency": 123.249679,
    "InplanePhaseEncodingDirection": "ROW",
    "InversionTime": 0.9,
    "MRAcquisitionType": "3D",
    "MagneticFieldStrength": 3,
    "Manufacturer": "SIEMENS",
    "ManufacturersModelName": "TrioTim",
    "NumberOfAverages": 1,
    "NumberOfPhaseEncodingSteps": 215,
    "PercentPhaseFieldOfView": 100,
    "PhaseEncodingDirection": "i-",
    "PixelBandwidth": 200,
    "PixelSpacing": [
      0.9765625,
      0.9765625
    ],
    "RealDwellTime": 9800,
    "RepetitionTime": 1.9,
    "Rows": 256,
    "ScanOptions": [
      "IR",
      "PFP"
    ],
    "ScanningSequence": [
      "GR",
      "IR"
    ],
    "SequenceName": "*tfl3d1_ns",
    "SequenceVariant": [
      "SP",
      "MP",
      "OSP"
    ],
    "SeriesDate": "18681110",
    "SeriesDescription": "MPRAGE",
    "SeriesNumber": 10,
    "SeriesTime": "173018.296000",
    "SliceThickness": 1,
    "StudyID": "1",
    "StudyTime": "160942.703000",
    "dataset": "ds000009",
    "modality": "T1w",
    "subject_id": "07"
  },
  "cjv": 0.45737243740981903,
  "cnr": 2.9582878417090566,
  "efc": 0.5834356805339632,
  "fber": 2280.0625,
  "fwhm_avg": 3.9733597765131585,
  "fwhm_x": 3.755430369539477,
  "fwhm_y": 4.242411519999999,
  "fwhm_z": 3.92223744,
  "icvs_csf": 0.19133733645445183,
  "icvs_gm": 0.4117948290946649,
  "icvs_wm": 0.39686783445088325,
  "inu_med": 1.57619309425354,
  "inu_range": 0.5216166853904727,
  "provenance": {
    "md5sum": "4997ec21f72f4e1f7b2f9fafaf3c805e",
    "settings": {
      "testing": false
    },
    "software": "mriqc",
    "version": "21.0.0rc2",
    "warnings": {
      "large_rot_frame": true,
      "small_air_mask": false
    },
    "webapi_port": null,
    "webapi_url": "https://mriqc.nimh.nih.gov/api/v1"
  },
  "qi_1": 3.798829111206121e-05,
  "qi_2": 0.011906977277696898,
  "rpve_csf": 25.415489797006646,
  "rpve_gm": 12.58647746798958,
  "rpve_wm": 15.943179159517815,
  "size_x": 176,
  "size_y": 256,
  "size_z": 256,
  "snr_csf": 2.7386244610766965,
  "snr_gm": 12.466928483920183,
  "snr_total": 12.308525159110074,
  "snr_wm": 21.72002253233334,
  "snrd_csf": 24.830276704342253,
  "snrd_gm": 49.946893444711236,
  "snrd_total": 46.555590466584,
  "snrd_wm": 64.88960125069852,
  "spacing_x": 0.9999945759773254,
  "spacing_y": 0.9765625,
  "spacing_z": 0.9765625,
  "summary_bg_k": 2.9713913546538064,
  "summary_bg_mad": 10.096718806246272,
  "summary_bg_mean": 15.670860962513041,
  "summary_bg_median": 13.565785624086857,
  "summary_bg_n": 3989183.0,
  "summary_bg_p05": 3.323345072567463,
  "summary_bg_p95": 37.1016064658761,
  "summary_bg_stdv": 11.307899762736769,
  "summary_csf_k": 13.528457278318307,
  "summary_csf_mad": 109.36765810925962,
  "summary_csf_mean": 414.2062856467522,
  "summary_csf_median": 382.67501294612885,
  "summary_csf_n": 14605.0,
  "summary_csf_p05": 256.61672066897154,
  "summary_csf_p95": 631.697072908282,
  "summary_csf_stdv": 139.72777842981245,
  "summary_gm_k": -0.02083955430792228,
  "summary_gm_mad": 60.82263408882755,
  "summary_gm_mean": 772.8150011196614,
  "summary_gm_median": 769.7629923000932,
  "summary_gm_n": 24614.0,
  "summary_gm_p05": 674.9468677584082,
  "summary_gm_p95": 879.2154554277658,
  "summary_gm_stdv": 61.74314358534617,
  "summary_wm_k": 0.4455449901219617,
  "summary_wm_mad": 44.506336497933574,
  "summary_wm_mean": 1000.2521216316455,
  "summary_wm_median": 1000.0544615089893,
  "summary_wm_n": 236022.0,
  "summary_wm_p05": 924.7616272419691,
  "summary_wm_p95": 1075.67418217659,
  "summary_wm_stdv": 46.04287778505138,
  "tpm_overlap_csf": 0.16836439073085785,
  "tpm_overlap_gm": 0.44079551100730896,
  "tpm_overlap_wm": 0.5008144974708557,
  "wm2max": 0.40218667642696687
}