{
  "bids_meta": {
    "Columns": 256,
    "EchoTime": 0.00226,
    "EchoTrainLength": 1,
    "FlipAngle": 9,
    "ImageType": "ORIGINAL/PRIMARY/M/ND/NORM",
    "ImagingFrequency": 123.250149,
    "InplanePhaseEncodingDirection": "ROW",
    "InversionTime": 0.9,
    "MRAcquisitionType": "3D",
    "MagneticFieldStrength": 3,
    "Manufacturer": "SIEMENS",
    "ManufacturersModelName": "TrioTim",
    "NumberOfAverages": 1,
    "NumberOfPhaseEncodingSteps": 215,
    "PercentPhaseFieldOfView": 100,
    "PhaseEncodingDirection": "i-",
    "PixelBandwidth": 200,
    "PixelSpacing": [
      0.9765625,
      0.9765625
    ],
    "RealDwellTime": 9800,
    "RepetitionTime": 1.9,
    "Rows": 256,
    "ScanOptions": [
      "IR",
      "PFP"
    ],
    "ScanningSequence": [
      "GR",
      "IR"
    ],
    "SequenceName": "*tfl3d1_ns",
    "SequenceVariant": [
      "SP",
      "MP",
      "OSP"
    ],
    "SeriesDate": "18681106",
    "SeriesDescription": "MPRAGE",
    "SeriesNumber": 11,
    "SeriesTime": "124413.015000",
    "SliceThickness": 1,
    "StudyID": "1",
    "StudyTime": "111510.375000",
    "dataset": "ds000009",
    "modality": "T1w",
    "subject_id": "02"
  },
  "cjv": 0.3584052609922068,
  "cnr": 3.534458658129853,
  "efc": 0.548695535967395,
  "fber": 3099.0419194285787,
  "fwhm_avg": 4.080933476673377,
  "fwhm_x": 3.876228910020132,
  "fwhm_y": 4.25069568,
  "fwhm_z": 4.115875839999999,
  "icvs_csf": 0.20462661935419926,
  "icvs_gm": 0.44135496120157425,
  "icvs_wm": 0.35401841944422646,
  "inu_med": 1.7106608152389526,
  "inu_range": 0.5299940824508667,
  "provenance": {
    "md5sum": "54cd271a53f043f498820c381fa5d72d",
    "settings": {
      "testing": false
    },
    "software": "mriqc",
    "version": "21.0.0rc2",
    "warnings": {
      "large_rot_frame": true,
      "small_air_mask": false
    },
    "webapi_port": null,
    "webapi_url": "https://mriqc.nimh.nih.gov/api/v1"
  },
  "qi_1": 1.7769189900093999e-06,
  "qi_2": 0.004486946559069708,
  "rpve_csf": 29.888090306220946,
  "rpve_gm": 15.128295555980618,
  "rpve_wm": 21.969979113572347,
  "size_x": 176,
  "size_y": 256,
  "size_z": 256,
  "snr_csf": 3.3684864881501086,
  "snr_gm": 13.601544568704806,
  "snr_total": 12.47583655491661,
  "snr_wm": 20.457478607894913,
  "snrd_csf": 28.454094188502353,
  "snrd_gm": 62.84204273911058,
  "snrd_total": 58.78355990190786,
  "snrd_wm": 85.05454277811062,
  "spacing_x": 1.0000028610229492,
  "spacing_y": 0.9765625,
  "spacing_z": 0.9765625,
  "summary_bg_k": 821.20518560538,
  "summary_bg_mad": 7.702544104349033,
  "summary_bg_mean": 13.950720718009444,
  "summary_bg_median": 12.756285164505243,
  "summary_bg_n": 3699116.0,
  "summary_bg_p05": 2.5512570329010487,
  "summary_bg_p95": 31.26449527591467,
  "summary_bg_stdv": 10.93202198733414,
  "summary_csf_k": 1.562910737417865,
  "summary_csf_mad": 91.05507494784035,
  "summary_csf_mean": 359.6712931321533,
  "summary_csf_median": 334.5393767505884,
  "summary_csf_n": 14500.0,
  "summary_csf_p05": 238.37786053139718,
  "summary_csf_p95": 550.0046298019588,
  "summary_csf_stdv": 99.31102347832922,
  "summary_gm_k": 0.4606158513363492,
  "summary_gm_mad": 50.47917296957313,
  "summary_gm_mean": 740.8250212750635,
  "summary_gm_median": 738.8440367281437,
  "summary_gm_n": 20229.0,
  "summary_gm_p05": 654.003143761307,
  "summary_gm_p95": 833.6673026673494,
  "summary_gm_stdv": 54.319255491127976,
  "summary_wm_k": 0.6669376082555418,
  "summary_wm_mad": 43.1204924413111,
  "summary_wm_mean": 996.4655448761471,
  "summary_wm_median": 999.9999839141965,
  "summary_wm_n": 169312.0,
  "summary_wm_p05": 906.2992710694671,
  "summary_wm_p95": 1071.0640889033675,
  "summary_wm_stdv": 48.88173415447265,
  "tpm_overlap_csf": 0.16604548692703247,
  "tpm_overlap_gm": 0.4591241478919983,
  "tpm_overlap_wm": 0.5114237666130066,
  "wm2max": 0.4729412109262699
}