{
  "bids_meta": {
    "Columns": 256,
    "EchoTime": 0.00226,
    "EchoTrainLength": 1,
    "FlipAngle": 9,
    "ImageType": "ORIGINAL/PRIMARY/M/ND/NORM",
    "ImagingFrequency": 123.249644,
    "InplanePhaseEncodingDirection": "ROW",
    "InversionTime": 0.9,
    "MRAcquisitionType": "3D",
    "MagneticFieldStrength": 3,
    "Manufacturer": "SIEMENS",
    "ManufacturersModelName": "TrioTim",
    "NumberOfAverages": 1,
    "NumberOfPhaseEncodingSteps": 215,
    "PercentPhaseFieldOfView": 100,
    "PhaseEncodingDirection": "i-",
    "PixelBandwidth": 200,
    "PixelSpacing": [
      0.9765625,
      0.9765625
    ],
    "RealDwellTime": 9800,
    "RepetitionTime": 1.9,
    "Rows": 256,
    "ScanOptions": [
      "IR",
      "PFP"
    ],
    "ScanningSequence": [
      "GR",
      "IR"
    ],
    "SequenceName": "*tfl3d1_ns",
    "SequenceVariant": [
      "SP",
      "MP",
      "OSP"
    ],
    "SeriesDate": "18681112",
    "SeriesDescription": "MPRAGE",
    "SeriesNumber": 10,
    "SeriesTime": "124138.828000",
    "SliceThickness": 1,
    "StudyID": "1",
    "StudyTime": "112425.921000",
    "dataset": "ds000009",
    "modality": "T1w",
    "subject_id": "09"
  },
  "cjv": 0.45462543210297524,
  "cnr": 2.9703681203481067,
  "efc": 0.5774364632151685,
  "fber": 2546.906725582211,
  "fwhm_avg": 4.173816093884832,
  "fwhm_x": 3.940205401654496,
  "fwhm_y": 4.4005376,
  "fwhm_z": 4.18070528,
  "icvs_csf": 0.20915657477788174,
  "icvs_gm": 0.4377526027360631,
  "icvs_wm": 0.35309082248605517,
  "inu_med": 1.4136860370635986,
  "inu_range": 0.491655671596527,
  "provenance": {
    "md5sum": "d494796f5caeb421ffd4a588dca183a9",
    "settings": {
      "testing": false
    },
    "software": "mriqc",
    "version": "21.0.0rc2",
    "warnings": {
      "large_rot_frame": true,
      "small_air_mask": false
    },
    "webapi_port": null,
    "webapi_url": "https://mriqc.nimh.nih.gov/api/v1"
  },
  "qi_1": 0.0,
  "qi_2": 0.00788526066838001,
  "rpve_csf": 22.939780403202672,
  "rpve_gm": 11.764660633015064,
  "rpve_wm": 16.945453038093305,
  "size_x": 176,
  "size_y": 256,
  "size_z": 256,
  "snr_csf": 3.6139271490963534,
  "snr_gm": 13.126898757072462,
  "snr_total": 12.049190809424369,
  "snr_wm": 19.406746522104292,
  "snrd_csf": 20.829286219174218,
  "snrd_gm": 43.977715575444506,
  "snrd_total": 40.742678953046,
  "snrd_wm": 57.42103506451929,
  "spacing_x": 0.9999986290931702,
  "spacing_y": 0.9765625,
  "spacing_z": 0.9765625,
  "summary_bg_k": 8.199914347456291,
  "summary_bg_mad": 11.409345005173938,
  "summary_bg_mean": 16.49127681415914,
  "summary_bg_median": 15.44262008368969,
  "summary_bg_n": 4094568.0,
  "summary_bg_p05": 0.0,
  "summary_bg_p95": 38.78731666505337,
  "summary_bg_stdv": 12.374495376562432,
  "summary_csf_k": 0.14049172841390156,
  "summary_csf_mad": 95.60112240912524,
  "summary_csf_mean": 382.41314654390175,
  "summary_csf_median": 362.7466292902827,
  "summary_csf_n": 20774.0,
  "summary_csf_p05": 248.1665200740099,
  "summary_csf_p95": 573.0477416239678,
  "summary_csf_stdv": 100.37222208298684,
  "summary_gm_k": 0.023337397893506306,
  "summary_gm_mad": 57.58273452275705,
  "summary_gm_mean": 768.0292092933238,
  "summary_gm_median": 765.881649568677,
  "summary_gm_n": 33467.0,
  "summary_gm_p05": 675.4984216541052,
  "summary_gm_p95": 868.5053489208221,
  "summary_gm_stdv": 58.343575380255885,
  "summary_wm_k": 0.371930133076253,
  "summary_wm_mad": 48.853437002019945,
  "summary_wm_mean": 998.1724448111047,
  "summary_wm_median": 1000.000033646822,
  "summary_wm_n": 217065.0,
  "summary_wm_p05": 909.7717484086752,
  "summary_wm_p95": 1079.3306839764118,
  "summary_wm_stdv": 51.52835530920157,
  "tpm_overlap_csf": 0.14620789885520935,
  "tpm_overlap_gm": 0.439191997051239,
  "tpm_overlap_wm": 0.4756350517272949,
  "wm2max": 0.4074066280904787
}