{
  "bids_meta": {
    "Columns": 256,
    "EchoTime": 0.00226,
    "EchoTrainLength": 1,
    "FlipAngle": 9,
    "ImageType": "ORIGINAL/PRIMARY/M/ND/NORM",
    "ImagingFrequency": 123.249642,
    "InplanePhaseEncodingDirection": "ROW",
    "InversionTime": 0.9,
    "MRAcquisitionType": "3D",
    "MagneticFieldStrength": 3,
    "Manufacturer": "SIEMENS",
    "ManufacturersModelName": "TrioTim",
    "NumberOfAverages": 1,
    "NumberOfPhaseEncodingSteps": 215,
    "PercentPhaseFieldOfView": 100,
    "PhaseEncodingDirection": "i-",
    "PixelBandwidth": 200,
    "PixelSpacing": [
      0.9765625,
      0.9765625
    ],
    "RealDwellTime": 9800,
    "RepetitionTime": 1.9,
    "Rows": 256,
    "ScanOptions": [
      "IR",
      "PFP"
    ],
    "ScanningSequence": [
      "GR",
      "IR"
    ],
    "SequenceName": "*tfl3d1_ns",
    "SequenceVariant": [
      "SP",
      "MP",
      "OSP"
    ],
    "SeriesDate": "18690311",
    "SeriesDescription": "MPRAGE",
    "SeriesNumber": 10,
    "SeriesTime": "165825.593000",
    "SliceThickness": 1,
    "StudyID": "1",
    "StudyTime": "153621.218000",
    "dataset": "ds000009",
    "modality": "T1w",
    "subject_id": "25"
  },
  "cjv": 0.40534316041484775,
  "cnr": 3.3145599945487927,
  "efc": 0.5687892895695348,
  "fber": 2983.379450370328,
  "fwhm_avg": 4.003321418278805,
  "fwhm_x": 3.7344775348364143,
  "fwhm_y": 4.30691328,
  "fwhm_z": 3.96857344,
  "icvs_csf": 0.19385157519847176,
  "icvs_gm": 0.44054429427132724,
  "icvs_wm": 0.36560413053020097,
  "inu_med": 1.5923914909362793,
  "inu_range": 0.4642444372177126,
  "provenance": {
    "md5sum": "55908a46e0a18b9d1b0f71e4fe5bf09d",
    "settings": {
      "testing": false
    },
    "software": "mriqc",
    "version": "21.0.0rc2",
    "warnings": {
      "large_rot_frame": true,
      "small_air_mask": false
    },
    "webapi_port": null,
    "webapi_url": "https://mriqc.nimh.nih.gov/api/v1"
  },
  "qi_1": 0.0001727323122233584,
  "qi_2": 0.008929639786006941,
  "rpve_csf": 24.70820092160722,
  "rpve_gm": 11.982442328372889,
  "rpve_wm": 17.10943549025731,
  "size_x": 176,
  "size_y": 256,
  "size_z": 256,
  "snr_csf": 2.0383294099511144,
  "snr_gm": 13.687979784909116,
  "snr_total": 13.429293438165443,
  "snr_wm": 24.5615711196361,
  "snrd_csf": 26.4559491669456,
  "snrd_gm": 48.77340484890384,
  "snrd_total": 46.25831581172056,
  "snrd_wm": 63.54559341931221,
  "spacing_x": 1.0000033378601074,
  "spacing_y": 0.9765625,
  "spacing_z": 0.9765625,
  "summary_bg_k": 9.50970763371181,
  "summary_bg_mad": 10.3104767044093,
  "summary_bg_mean": 15.456040949235462,
  "summary_bg_median": 13.833844177424908,
  "summary_bg_n": 3869839.0,
  "summary_bg_p05": 0.0,
  "summary_bg_p95": 34.69677674770355,
  "summary_bg_stdv": 10.823286514341467,
  "summary_csf_k": 17.80048529200777,
  "summary_csf_mad": 132.816678407337,
  "summary_csf_mean": 460.53043261028483,
  "summary_csf_median": 416.3613209724426,
  "summary_csf_n": 17227.0,
  "summary_csf_p05": 271.24055667445066,
  "summary_csf_p95": 682.6590825110669,
  "summary_csf_stdv": 204.2600348145995,
  "summary_gm_k": -0.034528462100592794,
  "summary_gm_mad": 56.541323862889705,
  "summary_gm_mean": 767.9139339256299,
  "summary_gm_median": 767.5914080068469,
  "summary_gm_n": 29629.0,
  "summary_gm_p05": 676.8114791885018,
  "summary_gm_p95": 860.6894404441118,
  "summary_gm_stdv": 56.07682554905057,
  "summary_wm_k": 0.769501803341949,
  "summary_wm_mad": 37.69421590859314,
  "summary_wm_mean": 999.6896302806933,
  "summary_wm_median": 1000.0747677236795,
  "summary_wm_n": 222084.0,
  "summary_wm_p05": 931.9524323418736,
  "summary_wm_p95": 1064.832113981247,
  "summary_wm_stdv": 40.71696029872126,
  "tpm_overlap_csf": 0.18276037275791168,
  "tpm_overlap_gm": 0.47024568915367126,
  "tpm_overlap_wm": 0.5176194310188293,
  "wm2max": 0.45022723447231106
}