{
  "bids_meta": {
    "Columns": 256,
    "EchoTime": 0.00226,
    "EchoTrainLength": 1,
    "FlipAngle": 9,
    "ImageType": "ORIGINAL/PRIMARY/M/ND/NORM",
    "ImagingFrequency": 123.249701,
    "InplanePhaseEncodingDirection": "ROW",
    "InversionTime": 0.9,
    "MRAcquisitionType": "3D",
    "MagneticFieldStrength": 3,
    "Manufacturer": "SIEMENS",
    "ManufacturersModelName": "TrioTim",
    "NumberOfAverages": 1,
    "NumberOfPhaseEncodingSteps": 215,
    "PercentPhaseFieldOfView": 100,
    "PhaseEncodingDirection": "i-",
    "PixelBandwidth": 200,
    "PixelSpacing": [
      0.9765625,
      0.9765625
    ],
    "RealDwellTime": 9800,
    "RepetitionTime": 1.9,
    "Rows": 256,
    "ScanOptions": [
      "IR",
      "PFP"
    ],
    "ScanningSequence": [
      "GR",
      "IR"
    ],
    "SequenceName": "*tfl3d1_ns",
    "SequenceVariant": [
      "SP",
      "MP",
      "OSP"
    ],
    "SeriesDate": "18681205",
    "SeriesDescription": "MPRAGE",
    "SeriesNumber": 2,
    "SeriesTime": "161814.578000",
    "SliceThickness": 1,
    "StudyID": "1",
    "StudyTime": "155559.828000",
    "dataset": "ds000009",
    "modality": "T1w",
    "subject_id": "06"
  },
  "cjv": 0.4090896783112594,
  "cnr": 3.309983524843599,
  "efc": 0.5684985669681951,
  "fber": 3324.60509906371,
  "fwhm_avg": 4.541109008294543,
  "fwhm_x": 4.289331504883631,
  "fwhm_y": 4.92879872,
  "fwhm_z": 4.4051968,
  "icvs_csf": 0.19948024515855223,
  "icvs_gm": 0.4260468206340991,
  "icvs_wm": 0.3744729342073487,
  "inu_med": 1.5122950077056885,
  "inu_range": 0.5534873843193053,
  "provenance": {
    "md5sum": "81d774609d9d2f0fd8ae2957f2b99177",
    "settings": {
      "testing": false
    },
    "software": "mriqc",
    "version": "21.0.0rc2",
    "warnings": {
      "large_rot_frame": true,
      "small_air_mask": false
    },
    "webapi_port": null,
    "webapi_url": "https://mriqc.nimh.nih.gov/api/v1"
  },
  "qi_1": 0.0,
  "qi_2": 0.01068313683925042,
  "rpve_csf": 24.606481282225648,
  "rpve_gm": 12.480875368309952,
  "rpve_wm": 17.034196959014224,
  "size_x": 176,
  "size_y": 256,
  "size_z": 256,
  "snr_csf": 3.668301431607918,
  "snr_gm": 13.650121273512385,
  "snr_total": 12.546462125145046,
  "snr_wm": 20.320963670314836,
  "snrd_csf": 28.812393314189006,
  "snrd_gm": 53.19368439048158,
  "snrd_total": 50.87925518219896,
  "snrd_wm": 70.63168784192628,
  "spacing_x": 0.9999973177909851,
  "spacing_y": 0.9765625,
  "spacing_z": 0.9765625,
  "summary_bg_k": 3.4255607421680843,
  "summary_bg_mad": 9.275926371672615,
  "summary_bg_mean": 13.008341278938039,
  "summary_bg_median": 12.570965237915516,
  "summary_bg_n": 3771740.0,
  "summary_bg_p05": 0.0,
  "summary_bg_p95": 31.688101314008236,
  "summary_bg_stdv": 9.892865359762084,
  "summary_csf_k": 2.388342359847237,
  "summary_csf_mad": 119.47049613885747,
  "summary_csf_mean": 419.872037260232,
  "summary_csf_median": 407.9480977207422,
  "summary_csf_n": 20662.0,
  "summary_csf_p05": 255.76410841196775,
  "summary_csf_p95": 609.1965064223856,
  "summary_csf_stdv": 111.20629895490718,
  "summary_gm_k": 0.08952592467005793,
  "summary_gm_mad": 54.1954587085687,
  "summary_gm_mean": 753.4632266821022,
  "summary_gm_median": 753.1572306826711,
  "summary_gm_n": 33782.0,
  "summary_gm_p05": 662.8461419377476,
  "summary_gm_p95": 844.8007258813826,
  "summary_gm_stdv": 55.1750470339072,
  "summary_wm_k": 0.27722346521779917,
  "summary_wm_mad": 46.80907289408866,
  "summary_wm_mean": 1000.1117943930522,
  "summary_wm_median": 1000.0579396411777,
  "summary_wm_n": 243820.0,
  "summary_wm_p05": 918.4335616678,
  "summary_wm_p95": 1081.7402483299375,
  "summary_wm_stdv": 49.213014946137655,
  "tpm_overlap_csf": 0.16043789684772491,
  "tpm_overlap_gm": 0.4560796618461609,
  "tpm_overlap_wm": 0.5228332877159119,
  "wm2max": 0.4487859408308636
}